REDIRECTS: OFF
STORAGE: NONE
RESTRICTION: == net45
NUGET
  remote: https://www.nuget.org/api/v2
    FSharp.Core (4.0.0.1)
    FsPickler (5.2)
      FSharp.Core (>= 3.1.2)
    Mono.Cecil (0.10.4)

GROUP Build
REDIRECTS: OFF
RESTRICTION: == net461
NUGET
  remote: https://www.nuget.org/api/v2
    FAKE (4.64.17)
    FSharp.Compiler.Service (27.0.1)
      FSharp.Core (>= 4.5.2)
      System.Collections.Immutable (>= 1.5)
      System.Reflection.Metadata (>= 1.6)
      System.ValueTuple (>= 4.4)
    FSharp.Core (4.6.2)
    FSharp.Formatting (3.1)
      FSharp.Compiler.Service (>= 27.0.1 < 28.0)
      Microsoft.AspNet.Razor (>= 3.2.7 < 4.0)
      System.ValueTuple (>= 4.5 < 5.0)
    Microsoft.AspNet.Razor (3.2.7)
    Octokit (0.32)
    System.Collections.Immutable (1.5)
    System.Reflection.Metadata (1.6)
      System.Collections.Immutable (>= 1.5)
    System.ValueTuple (4.5)
GITHUB
  remote: fsharp/FAKE
    modules/Octokit/Octokit.fsx (61b83e7ccfe6e5072a243fa5a50042a7b743f4d2)
      Octokit (>= 0.20)
GROUP Fsi
REDIRECTS: OFF
RESTRICTION: == net461
NUGET
  remote: https://www.nuget.org/api/v2
    FSharp.Core (4.6.2)
    FSharp.Data (3.1.1)
      FSharp.Core (>= 4.0.0.1)
    LinqOptimizer.FSharp (0.7)
      FSharp.Core (>= 3.1.2)
    MathNet.Numerics (3.7.1)
    MathNet.Numerics.FSharp (3.7.1)
      FSharp.Core (>= 3.1.2.1)
      MathNet.Numerics (3.7.1)
    MathNet.Numerics.MKL.Win-x64 (1.8)
      MathNet.Numerics (>= 2.4)

GROUP Testing
REDIRECTS: OFF
STORAGE: NONE
RESTRICTION: == net461
NUGET
  remote: https://www.nuget.org/api/v2
    FSharp.Compiler.Service (29.0.1)
      FSharp.Core (>= 4.6.2)
      System.Collections.Immutable (>= 1.5)
      System.Reflection.Metadata (>= 1.6)
      System.ValueTuple (>= 4.4)
    FSharp.Core (4.6.2)
    FsPickler (5.2)
      FSharp.Core (>= 3.1.2)
    Microsoft.CodeCoverage (16.1.1)
    Microsoft.NET.Test.Sdk (16.1.1)
      Microsoft.CodeCoverage (>= 16.1.1)
    Mono.Cecil (0.10.4)
    NUnit (3.12)
    NUnit3TestAdapter (3.12)
    System.Collections.Immutable (1.5)
    System.Reflection.Metadata (1.6)
      System.Collections.Immutable (>= 1.5)
    System.ValueTuple (4.5)
    Thespian (0.2)
      FSharp.Core (>= 4.3.2)
      FsPickler (>= 5.2)
