REDIRECTS: OFF
STORAGE: NONE
RESTRICTION: || (== net45) (== netstandard2.0)
NUGET
  remote: https://www.nuget.org/api/v2
    FSharp.Core (4.3.2)
    FsPickler (5.2)
      FSharp.Core (>= 3.1.2) - restriction: || (== net45) (&& (== netstandard2.0) (>= net45))
      FSharp.Core (>= 4.3.2) - restriction: == netstandard2.0
      System.Reflection.Emit.Lightweight (>= 4.3) - restriction: == netstandard2.0
    Microsoft.NETCore.Platforms (2.2.1) - restriction: || (&& (== net45) (< net35) (>= netstandard1.3)) (&& (== net45) (< net35) (>= netstandard1.5)) (== netstandard2.0)
    Microsoft.NETCore.Targets (2.1) - restriction: || (&& (== net45) (< net35) (>= netstandard1.3)) (&& (== net45) (< net35) (>= netstandard1.5)) (== netstandard2.0)
    Mono.Cecil (0.10.4)
      System.Collections (>= 4.3) - restriction: || (&& (== net45) (< net35) (>= netstandard1.3)) (== netstandard2.0)
      System.IO.FileSystem (>= 4.3) - restriction: || (&& (== net45) (< net35) (>= netstandard1.3)) (== netstandard2.0)
      System.IO.FileSystem.Primitives (>= 4.3) - restriction: || (&& (== net45) (< net35) (>= netstandard1.3)) (== netstandard2.0)
      System.Reflection (>= 4.3) - restriction: || (&& (== net45) (< net35) (>= netstandard1.3)) (== netstandard2.0)
      System.Runtime.Extensions (>= 4.3) - restriction: || (&& (== net45) (< net35) (>= netstandard1.3)) (== netstandard2.0)
      System.Security.Cryptography.Algorithms (>= 4.3) - restriction: || (&& (== net45) (< net35) (>= netstandard1.3)) (== netstandard2.0)
      System.Security.Cryptography.Csp (>= 4.3) - restriction: || (&& (== net45) (< net35) (>= netstandard1.3)) (== netstandard2.0)
      System.Threading (>= 4.3) - restriction: || (&& (== net45) (< net35) (>= netstandard1.3)) (== netstandard2.0)
    runtime.debian.8-x64.runtime.native.System.Security.Cryptography.OpenSsl (4.3.3) - restriction: || (&& (== net45) (< net35) (>= netstandard1.6)) (== netstandard2.0)
    runtime.debian.9-x64.runtime.native.System.Security.Cryptography.OpenSsl (4.3.3) - restriction: || (&& (== net45) (< net35) (>= netstandard1.6)) (== netstandard2.0)
    runtime.fedora.23-x64.runtime.native.System.Security.Cryptography.OpenSsl (4.3.3) - restriction: || (&& (== net45) (< net35) (>= netstandard1.6)) (== netstandard2.0)
    runtime.fedora.24-x64.runtime.native.System.Security.Cryptography.OpenSsl (4.3.3) - restriction: || (&& (== net45) (< net35) (>= netstandard1.6)) (== netstandard2.0)
    runtime.fedora.27-x64.runtime.native.System.Security.Cryptography.OpenSsl (4.3.3) - restriction: || (&& (== net45) (< net35) (>= netstandard1.6)) (== netstandard2.0)
    runtime.fedora.28-x64.runtime.native.System.Security.Cryptography.OpenSsl (4.3.3) - restriction: || (&& (== net45) (< net35) (>= netstandard1.6)) (== netstandard2.0)
    runtime.native.System.Security.Cryptography.Apple (4.3.1) - restriction: || (&& (== net45) (< net35) (>= netstandard1.6)) (== netstandard2.0)
      runtime.osx.10.10-x64.runtime.native.System.Security.Cryptography.Apple (>= 4.3.1)
    runtime.native.System.Security.Cryptography.OpenSsl (4.3.3) - restriction: || (&& (== net45) (< net35) (>= netstandard1.6)) (== netstandard2.0)
      runtime.debian.8-x64.runtime.native.System.Security.Cryptography.OpenSsl (>= 4.3.3)
      runtime.debian.9-x64.runtime.native.System.Security.Cryptography.OpenSsl (>= 4.3.3)
      runtime.fedora.23-x64.runtime.native.System.Security.Cryptography.OpenSsl (>= 4.3.3)
      runtime.fedora.24-x64.runtime.native.System.Security.Cryptography.OpenSsl (>= 4.3.3)
      runtime.fedora.27-x64.runtime.native.System.Security.Cryptography.OpenSsl (>= 4.3.3)
      runtime.fedora.28-x64.runtime.native.System.Security.Cryptography.OpenSsl (>= 4.3.3)
      runtime.opensuse.13.2-x64.runtime.native.System.Security.Cryptography.OpenSsl (>= 4.3.3)
      runtime.opensuse.42.1-x64.runtime.native.System.Security.Cryptography.OpenSsl (>= 4.3.3)
      runtime.opensuse.42.3-x64.runtime.native.System.Security.Cryptography.OpenSsl (>= 4.3.3)
      runtime.osx.10.10-x64.runtime.native.System.Security.Cryptography.OpenSsl (>= 4.3.3)
      runtime.rhel.7-x64.runtime.native.System.Security.Cryptography.OpenSsl (>= 4.3.3)
      runtime.ubuntu.14.04-x64.runtime.native.System.Security.Cryptography.OpenSsl (>= 4.3.3)
      runtime.ubuntu.16.04-x64.runtime.native.System.Security.Cryptography.OpenSsl (>= 4.3.3)
      runtime.ubuntu.16.10-x64.runtime.native.System.Security.Cryptography.OpenSsl (>= 4.3.3)
      runtime.ubuntu.18.04-x64.runtime.native.System.Security.Cryptography.OpenSsl (>= 4.3.3)
    runtime.opensuse.13.2-x64.runtime.native.System.Security.Cryptography.OpenSsl (4.3.3) - restriction: || (&& (== net45) (< net35) (>= netstandard1.6)) (== netstandard2.0)
    runtime.opensuse.42.1-x64.runtime.native.System.Security.Cryptography.OpenSsl (4.3.3) - restriction: || (&& (== net45) (< net35) (>= netstandard1.6)) (== netstandard2.0)
    runtime.opensuse.42.3-x64.runtime.native.System.Security.Cryptography.OpenSsl (4.3.3) - restriction: || (&& (== net45) (< net35) (>= netstandard1.6)) (== netstandard2.0)
    runtime.osx.10.10-x64.runtime.native.System.Security.Cryptography.Apple (4.3.1) - restriction: || (&& (== net45) (< net35) (>= netstandard1.6)) (== netstandard2.0)
    runtime.osx.10.10-x64.runtime.native.System.Security.Cryptography.OpenSsl (4.3.3) - restriction: || (&& (== net45) (< net35) (>= netstandard1.6)) (== netstandard2.0)
    runtime.rhel.7-x64.runtime.native.System.Security.Cryptography.OpenSsl (4.3.3) - restriction: || (&& (== net45) (< net35) (>= netstandard1.6)) (== netstandard2.0)
    runtime.ubuntu.14.04-x64.runtime.native.System.Security.Cryptography.OpenSsl (4.3.3) - restriction: || (&& (== net45) (< net35) (>= netstandard1.6)) (== netstandard2.0)
    runtime.ubuntu.16.04-x64.runtime.native.System.Security.Cryptography.OpenSsl (4.3.3) - restriction: || (&& (== net45) (< net35) (>= netstandard1.6)) (== netstandard2.0)
    runtime.ubuntu.16.10-x64.runtime.native.System.Security.Cryptography.OpenSsl (4.3.3) - restriction: || (&& (== net45) (< net35) (>= netstandard1.6)) (== netstandard2.0)
    runtime.ubuntu.18.04-x64.runtime.native.System.Security.Cryptography.OpenSsl (4.3.3) - restriction: || (&& (== net45) (< net35) (>= netstandard1.6)) (== netstandard2.0)
    System.Collections (4.3) - restriction: || (&& (== net45) (< net35) (>= netstandard1.3)) (== netstandard2.0)
      Microsoft.NETCore.Platforms (>= 1.1) - restriction: == netstandard2.0
      Microsoft.NETCore.Targets (>= 1.1) - restriction: == netstandard2.0
      System.Runtime (>= 4.3) - restriction: == netstandard2.0
    System.Collections.Concurrent (4.3) - restriction: || (&& (== net45) (< net35) (>= net463)) (&& (== net45) (< net35) (>= netstandard1.3)) (&& (== net45) (< net35) (>= netstandard1.6)) (== netstandard2.0)
      System.Collections (>= 4.3) - restriction: == netstandard2.0
      System.Diagnostics.Debug (>= 4.3) - restriction: == netstandard2.0
      System.Diagnostics.Tracing (>= 4.3) - restriction: == netstandard2.0
      System.Globalization (>= 4.3) - restriction: == netstandard2.0
      System.Reflection (>= 4.3) - restriction: == netstandard2.0
      System.Resources.ResourceManager (>= 4.3) - restriction: == netstandard2.0
      System.Runtime (>= 4.3) - restriction: == netstandard2.0
      System.Runtime.Extensions (>= 4.3) - restriction: == netstandard2.0
      System.Threading (>= 4.3) - restriction: == netstandard2.0
      System.Threading.Tasks (>= 4.3) - restriction: == netstandard2.0
    System.Diagnostics.Debug (4.3) - restriction: || (&& (== net45) (< net35) (>= net46)) (&& (== net45) (< net35) (>= net461)) (&& (== net45) (< net35) (>= net463)) (&& (== net45) (< net35) (>= netstandard1.3)) (&& (== net45) (< net35) (>= netstandard1.4)) (&& (== net45) (< net35) (>= netstandard1.6)) (== netstandard2.0)
      Microsoft.NETCore.Platforms (>= 1.1) - restriction: == netstandard2.0
      Microsoft.NETCore.Targets (>= 1.1) - restriction: == netstandard2.0
      System.Runtime (>= 4.3) - restriction: == netstandard2.0
    System.Diagnostics.Tracing (4.3) - restriction: || (&& (== net45) (< net35) (>= net463)) (&& (== net45) (< net35) (>= netstandard1.3)) (&& (== net45) (< net35) (>= netstandard1.6)) (== netstandard2.0)
      Microsoft.NETCore.Platforms (>= 1.1) - restriction: == netstandard2.0
      Microsoft.NETCore.Targets (>= 1.1) - restriction: == netstandard2.0
      System.Runtime (>= 4.3) - restriction: == netstandard2.0
    System.Globalization (4.3) - restriction: || (&& (== net45) (< net35) (>= netstandard1.3)) (&& (== net45) (< net35) (>= netstandard1.6)) (== netstandard2.0)
      Microsoft.NETCore.Platforms (>= 1.1) - restriction: == netstandard2.0
      Microsoft.NETCore.Targets (>= 1.1) - restriction: == netstandard2.0
      System.Runtime (>= 4.3) - restriction: == netstandard2.0
    System.IO (4.3) - restriction: || (&& (== net45) (< net35) (>= netstandard1.3)) (== netstandard2.0)
      Microsoft.NETCore.Platforms (>= 1.1) - restriction: == netstandard2.0
      Microsoft.NETCore.Targets (>= 1.1) - restriction: == netstandard2.0
      System.Runtime (>= 4.3) - restriction: == netstandard2.0
      System.Text.Encoding (>= 4.3) - restriction: == netstandard2.0
      System.Threading.Tasks (>= 4.3) - restriction: == netstandard2.0
    System.IO.FileSystem (4.3) - restriction: || (&& (== net45) (< net35) (>= netstandard1.3)) (== netstandard2.0)
      Microsoft.NETCore.Platforms (>= 1.1) - restriction: || (&& (== net45) (>= netstandard1.3)) (== netstandard2.0)
      Microsoft.NETCore.Targets (>= 1.1) - restriction: || (&& (== net45) (>= netstandard1.3)) (== netstandard2.0)
      System.IO (>= 4.3) - restriction: || (&& (== net45) (>= netstandard1.3)) (== netstandard2.0)
      System.IO.FileSystem.Primitives (>= 4.3) - restriction: || (&& (== net45) (>= net46)) (&& (== net45) (>= netstandard1.3)) (== netstandard2.0)
      System.Runtime (>= 4.3) - restriction: || (&& (== net45) (>= netstandard1.3)) (== netstandard2.0)
      System.Runtime.Handles (>= 4.3) - restriction: || (&& (== net45) (>= netstandard1.3)) (== netstandard2.0)
      System.Text.Encoding (>= 4.3) - restriction: || (&& (== net45) (>= netstandard1.3)) (== netstandard2.0)
      System.Threading.Tasks (>= 4.3) - restriction: || (&& (== net45) (>= netstandard1.3)) (== netstandard2.0)
    System.IO.FileSystem.Primitives (4.3) - restriction: || (&& (== net45) (< net35) (>= netstandard1.3)) (== netstandard2.0)
      System.Runtime (>= 4.3) - restriction: || (&& (== net45) (>= netstandard1.3)) (== netstandard2.0)
    System.Linq (4.3) - restriction: || (&& (== net45) (< net35) (>= net463)) (&& (== net45) (< net35) (>= netstandard1.3)) (&& (== net45) (< net35) (>= netstandard1.6)) (== netstandard2.0)
      System.Collections (>= 4.3) - restriction: == netstandard2.0
      System.Diagnostics.Debug (>= 4.3) - restriction: == netstandard2.0
      System.Resources.ResourceManager (>= 4.3) - restriction: == netstandard2.0
      System.Runtime (>= 4.3) - restriction: == netstandard2.0
      System.Runtime.Extensions (>= 4.3) - restriction: == netstandard2.0
    System.Reflection (4.3) - restriction: || (&& (== net45) (< net35) (>= netstandard1.3)) (== netstandard2.0)
      Microsoft.NETCore.Platforms (>= 1.1) - restriction: == netstandard2.0
      Microsoft.NETCore.Targets (>= 1.1) - restriction: == netstandard2.0
      System.IO (>= 4.3) - restriction: == netstandard2.0
      System.Reflection.Primitives (>= 4.3) - restriction: == netstandard2.0
      System.Runtime (>= 4.3) - restriction: == netstandard2.0
    System.Reflection.Emit.ILGeneration (4.3) - restriction: == netstandard2.0
      System.Reflection (>= 4.3) - restriction: == netstandard2.0
      System.Reflection.Primitives (>= 4.3) - restriction: == netstandard2.0
      System.Runtime (>= 4.3) - restriction: == netstandard2.0
    System.Reflection.Emit.Lightweight (4.3) - restriction: == netstandard2.0
      System.Reflection (>= 4.3) - restriction: == netstandard2.0
      System.Reflection.Emit.ILGeneration (>= 4.3) - restriction: == netstandard2.0
      System.Reflection.Primitives (>= 4.3) - restriction: == netstandard2.0
      System.Runtime (>= 4.3) - restriction: == netstandard2.0
    System.Reflection.Primitives (4.3) - restriction: || (&& (== net45) (< net35) (>= netstandard1.3)) (&& (== net45) (< net35) (>= netstandard1.5)) (== netstandard2.0)
      Microsoft.NETCore.Platforms (>= 1.1) - restriction: == netstandard2.0
      Microsoft.NETCore.Targets (>= 1.1) - restriction: == netstandard2.0
      System.Runtime (>= 4.3) - restriction: == netstandard2.0
    System.Resources.ResourceManager (4.3) - restriction: || (&& (== net45) (< net35) (>= netstandard1.3)) (&& (== net45) (< net35) (>= netstandard1.6)) (== netstandard2.0)
      Microsoft.NETCore.Platforms (>= 1.1) - restriction: == netstandard2.0
      Microsoft.NETCore.Targets (>= 1.1) - restriction: == netstandard2.0
      System.Globalization (>= 4.3) - restriction: == netstandard2.0
      System.Reflection (>= 4.3) - restriction: == netstandard2.0
      System.Runtime (>= 4.3) - restriction: == netstandard2.0
    System.Runtime (4.3.1) - restriction: || (&& (== net45) (< net35) (>= netstandard1.3)) (&& (== net45) (< net35) (>= netstandard1.5)) (== netstandard2.0)
      Microsoft.NETCore.Platforms (>= 1.1.1) - restriction: == netstandard2.0
      Microsoft.NETCore.Targets (>= 1.1.3) - restriction: == netstandard2.0
    System.Runtime.Extensions (4.3.1) - restriction: || (&& (== net45) (< net35) (>= netstandard1.3)) (== netstandard2.0)
      Microsoft.NETCore.Platforms (>= 1.1.1) - restriction: == netstandard2.0
      Microsoft.NETCore.Targets (>= 1.1.3) - restriction: == netstandard2.0
      System.Runtime (>= 4.3.1) - restriction: == netstandard2.0
    System.Runtime.Handles (4.3) - restriction: || (&& (== net45) (< net35) (>= netstandard1.3)) (== netstandard2.0)
      Microsoft.NETCore.Platforms (>= 1.1) - restriction: || (&& (== net45) (>= netstandard1.3)) (== netstandard2.0)
      Microsoft.NETCore.Targets (>= 1.1) - restriction: || (&& (== net45) (>= netstandard1.3)) (== netstandard2.0)
      System.Runtime (>= 4.3) - restriction: || (&& (== net45) (>= netstandard1.3)) (== netstandard2.0)
    System.Runtime.InteropServices (4.3) - restriction: || (&& (== net45) (< net35) (>= netstandard1.3)) (&& (== net45) (< net35) (>= netstandard1.6)) (== netstandard2.0)
      Microsoft.NETCore.Platforms (>= 1.1) - restriction: || (&& (== net45) (>= netcoreapp1.1)) (== netstandard2.0)
      Microsoft.NETCore.Targets (>= 1.1) - restriction: || (&& (== net45) (>= netcoreapp1.1)) (== netstandard2.0)
      System.Reflection (>= 4.3) - restriction: || (&& (== net45) (>= netcoreapp1.1)) (== netstandard2.0)
      System.Reflection.Primitives (>= 4.3) - restriction: || (&& (== net45) (>= netcoreapp1.1)) (== netstandard2.0)
      System.Runtime (>= 4.3) - restriction: || (&& (== net45) (>= net462)) (&& (== net45) (>= netcoreapp1.1)) (== netstandard2.0)
      System.Runtime.Handles (>= 4.3) - restriction: || (&& (== net45) (>= netcoreapp1.1)) (== netstandard2.0)
    System.Runtime.Numerics (4.3) - restriction: || (&& (== net45) (< net35) (>= netstandard1.6)) (== netstandard2.0)
      System.Globalization (>= 4.3) - restriction: == netstandard2.0
      System.Resources.ResourceManager (>= 4.3) - restriction: == netstandard2.0
      System.Runtime (>= 4.3) - restriction: == netstandard2.0
      System.Runtime.Extensions (>= 4.3) - restriction: == netstandard2.0
    System.Security.Cryptography.Algorithms (4.3.1) - restriction: || (&& (== net45) (< net35) (>= netstandard1.3)) (== netstandard2.0)
      Microsoft.NETCore.Platforms (>= 1.1)
      runtime.native.System.Security.Cryptography.Apple (>= 4.3.1) - restriction: || (&& (== net45) (>= netstandard1.6)) (== netstandard2.0)
      runtime.native.System.Security.Cryptography.OpenSsl (>= 4.3.2) - restriction: || (&& (== net45) (>= netstandard1.6)) (== netstandard2.0)
      System.Collections (>= 4.3) - restriction: || (&& (== net45) (>= netstandard1.6)) (== netstandard2.0)
      System.IO (>= 4.3)
      System.Resources.ResourceManager (>= 4.3)
      System.Runtime (>= 4.3)
      System.Runtime.Extensions (>= 4.3)
      System.Runtime.Handles (>= 4.3)
      System.Runtime.InteropServices (>= 4.3)
      System.Runtime.Numerics (>= 4.3) - restriction: || (&& (== net45) (>= netstandard1.6)) (== netstandard2.0)
      System.Security.Cryptography.Encoding (>= 4.3)
      System.Security.Cryptography.Primitives (>= 4.3)
      System.Text.Encoding (>= 4.3)
    System.Security.Cryptography.Csp (4.3) - restriction: || (&& (== net45) (< net35) (>= netstandard1.3)) (== netstandard2.0)
      Microsoft.NETCore.Platforms (>= 1.1) - restriction: || (&& (== net45) (>= netstandard1.3)) (== netstandard2.0)
      System.IO (>= 4.3) - restriction: || (&& (== net45) (>= netstandard1.3)) (== netstandard2.0)
      System.Reflection (>= 4.3) - restriction: || (&& (== net45) (>= netstandard1.3)) (== netstandard2.0)
      System.Resources.ResourceManager (>= 4.3) - restriction: || (&& (== net45) (>= netstandard1.3)) (== netstandard2.0)
      System.Runtime (>= 4.3) - restriction: || (&& (== net45) (>= netstandard1.3)) (== netstandard2.0)
      System.Runtime.Extensions (>= 4.3) - restriction: || (&& (== net45) (>= netstandard1.3)) (== netstandard2.0)
      System.Runtime.Handles (>= 4.3) - restriction: || (&& (== net45) (>= netstandard1.3)) (== netstandard2.0)
      System.Runtime.InteropServices (>= 4.3) - restriction: || (&& (== net45) (>= netstandard1.3)) (== netstandard2.0)
      System.Security.Cryptography.Algorithms (>= 4.3) - restriction: || (&& (== net45) (>= net46)) (&& (== net45) (>= netstandard1.3)) (== netstandard2.0)
      System.Security.Cryptography.Encoding (>= 4.3) - restriction: || (&& (== net45) (>= netstandard1.3)) (== netstandard2.0)
      System.Security.Cryptography.Primitives (>= 4.3) - restriction: || (&& (== net45) (>= net46)) (&& (== net45) (>= netstandard1.3)) (== netstandard2.0)
      System.Text.Encoding (>= 4.3) - restriction: || (&& (== net45) (>= netstandard1.3)) (== netstandard2.0)
      System.Threading (>= 4.3) - restriction: || (&& (== net45) (>= netstandard1.3)) (== netstandard2.0)
    System.Security.Cryptography.Encoding (4.3) - restriction: || (&& (== net45) (< net35) (>= net463)) (&& (== net45) (< net35) (>= netstandard1.3)) (&& (== net45) (< net35) (>= netstandard1.6)) (== netstandard2.0)
      Microsoft.NETCore.Platforms (>= 1.1) - restriction: || (&& (== net45) (>= netstandard1.3)) (== netstandard2.0)
      runtime.native.System.Security.Cryptography.OpenSsl (>= 4.3) - restriction: || (&& (== net45) (>= netstandard1.3)) (== netstandard2.0)
      System.Collections (>= 4.3) - restriction: || (&& (== net45) (>= netstandard1.3)) (== netstandard2.0)
      System.Collections.Concurrent (>= 4.3) - restriction: || (&& (== net45) (>= netstandard1.3)) (== netstandard2.0)
      System.Linq (>= 4.3) - restriction: || (&& (== net45) (>= netstandard1.3)) (== netstandard2.0)
      System.Resources.ResourceManager (>= 4.3) - restriction: || (&& (== net45) (>= netstandard1.3)) (== netstandard2.0)
      System.Runtime (>= 4.3) - restriction: || (&& (== net45) (>= netstandard1.3)) (== netstandard2.0)
      System.Runtime.Extensions (>= 4.3) - restriction: || (&& (== net45) (>= netstandard1.3)) (== netstandard2.0)
      System.Runtime.Handles (>= 4.3) - restriction: || (&& (== net45) (>= netstandard1.3)) (== netstandard2.0)
      System.Runtime.InteropServices (>= 4.3) - restriction: || (&& (== net45) (>= netstandard1.3)) (== netstandard2.0)
      System.Security.Cryptography.Primitives (>= 4.3) - restriction: || (&& (== net45) (>= netstandard1.3)) (== netstandard2.0)
      System.Text.Encoding (>= 4.3) - restriction: || (&& (== net45) (>= netstandard1.3)) (== netstandard2.0)
    System.Security.Cryptography.Primitives (4.3) - restriction: || (&& (== net45) (< net35) (>= net46)) (&& (== net45) (< net35) (>= net461)) (&& (== net45) (< net35) (>= net463)) (&& (== net45) (< net35) (>= netstandard1.3)) (&& (== net45) (< net35) (>= netstandard1.4)) (&& (== net45) (< net35) (>= netstandard1.6)) (== netstandard2.0)
      System.Diagnostics.Debug (>= 4.3) - restriction: || (&& (== net45) (>= netstandard1.3)) (== netstandard2.0)
      System.Globalization (>= 4.3) - restriction: || (&& (== net45) (>= netstandard1.3)) (== netstandard2.0)
      System.IO (>= 4.3) - restriction: || (&& (== net45) (>= netstandard1.3)) (== netstandard2.0)
      System.Resources.ResourceManager (>= 4.3) - restriction: || (&& (== net45) (>= netstandard1.3)) (== netstandard2.0)
      System.Runtime (>= 4.3) - restriction: || (&& (== net45) (>= netstandard1.3)) (== netstandard2.0)
      System.Threading (>= 4.3) - restriction: || (&& (== net45) (>= netstandard1.3)) (== netstandard2.0)
      System.Threading.Tasks (>= 4.3) - restriction: || (&& (== net45) (>= netstandard1.3)) (== netstandard2.0)
    System.Text.Encoding (4.3) - restriction: || (&& (== net45) (< net35) (>= netstandard1.3)) (== netstandard2.0)
      Microsoft.NETCore.Platforms (>= 1.1) - restriction: == netstandard2.0
      Microsoft.NETCore.Targets (>= 1.1) - restriction: == netstandard2.0
      System.Runtime (>= 4.3) - restriction: == netstandard2.0
    System.Threading (4.3) - restriction: || (&& (== net45) (< net35) (>= netstandard1.3)) (== netstandard2.0)
      System.Runtime (>= 4.3) - restriction: == netstandard2.0
      System.Threading.Tasks (>= 4.3) - restriction: == netstandard2.0
    System.Threading.Tasks (4.3) - restriction: || (&& (== net45) (< net35) (>= netstandard1.3)) (== netstandard2.0)
      Microsoft.NETCore.Platforms (>= 1.1) - restriction: == netstandard2.0
      Microsoft.NETCore.Targets (>= 1.1) - restriction: == netstandard2.0
      System.Runtime (>= 4.3) - restriction: == netstandard2.0

GROUP Build
REDIRECTS: OFF
RESTRICTION: == net461
NUGET
  remote: https://www.nuget.org/api/v2
    FAKE (4.64.17)
    FSharp.Compiler.Service (27.0.1)
      FSharp.Core (>= 4.5.2)
      System.Collections.Immutable (>= 1.5)
      System.Reflection.Metadata (>= 1.6)
      System.ValueTuple (>= 4.4)
    FSharp.Compiler.Tools (10.2.3)
    FSharp.Core (4.6.2)
    FSharp.Formatting (3.1)
      FSharp.Compiler.Service (>= 27.0.1 < 28.0)
      Microsoft.AspNet.Razor (>= 3.2.7 < 4.0)
      System.ValueTuple (>= 4.5 < 5.0)
    Microsoft.AspNet.Razor (3.2.7)
    Octokit (0.32)
    System.Collections.Immutable (1.5)
    System.Reflection.Metadata (1.6)
      System.Collections.Immutable (>= 1.5)
    System.ValueTuple (4.5)
GITHUB
  remote: fsharp/FAKE
    modules/Octokit/Octokit.fsx (61b83e7ccfe6e5072a243fa5a50042a7b743f4d2)
      Octokit (>= 0.20)
GROUP Fsi
REDIRECTS: OFF
RESTRICTION: == net461
NUGET
  remote: https://www.nuget.org/api/v2
    FSharp.Core (4.6.2)
    FSharp.Data (3.1.1)
      FSharp.Core (>= 4.0.0.1)
    LinqOptimizer.FSharp (0.6.3)
    MathNet.Numerics (3.7.1)
    MathNet.Numerics.FSharp (3.7.1)
      FSharp.Core (>= 3.1.2.1)
      MathNet.Numerics (3.7.1)
    MathNet.Numerics.MKL.Win-x64 (1.8)
      MathNet.Numerics (>= 2.4)

GROUP Testing
REDIRECTS: OFF
STORAGE: NONE
RESTRICTION: || (== net461) (== netcoreapp2.2)
NUGET
  remote: https://www.nuget.org/api/v2
    FSharp.Compiler.Service (29.0.1)
      FSharp.Core (>= 4.6.2)
      System.Collections.Immutable (>= 1.5)
      System.Diagnostics.Process (>= 4.1) - restriction: == netcoreapp2.2
      System.Diagnostics.TraceSource (>= 4.0) - restriction: == netcoreapp2.2
      System.Reflection.Emit (>= 4.3) - restriction: == netcoreapp2.2
      System.Reflection.Metadata (>= 1.6)
      System.Reflection.TypeExtensions (>= 4.3) - restriction: == netcoreapp2.2
      System.Runtime.Loader (>= 4.0) - restriction: == netcoreapp2.2
      System.Security.Cryptography.Algorithms (>= 4.3) - restriction: == netcoreapp2.2
      System.ValueTuple (>= 4.4) - restriction: || (== net461) (&& (== netcoreapp2.2) (>= net461))
    FSharp.Core (4.6.2)
    FsPickler (5.2.2)
      FSharp.Core (>= 3.1.2) - restriction: || (== net461) (&& (== netcoreapp2.2) (>= net45))
      FSharp.Core (>= 4.3.2) - restriction: || (&& (== net461) (< net45) (>= netstandard2.0)) (== netcoreapp2.2)
      System.Reflection.Emit.Lightweight (>= 4.3) - restriction: || (&& (== net461) (< net45) (>= netstandard2.0)) (== netcoreapp2.2)
    Microsoft.CodeCoverage (16.1.1)
    Microsoft.DotNet.InternalAbstractions (1.0) - restriction: || (&& (== net461) (>= netcoreapp1.0)) (== netcoreapp2.2)
      System.AppContext (>= 4.1) - restriction: || (&& (== net461) (< net451)) (== netcoreapp2.2)
      System.Collections (>= 4.0.11) - restriction: || (&& (== net461) (< net451)) (== netcoreapp2.2)
      System.IO (>= 4.1) - restriction: || (&& (== net461) (< net451)) (== netcoreapp2.2)
      System.IO.FileSystem (>= 4.0.1) - restriction: || (&& (== net461) (< net451)) (== netcoreapp2.2)
      System.Reflection.TypeExtensions (>= 4.1) - restriction: || (&& (== net461) (< net451)) (== netcoreapp2.2)
      System.Runtime.Extensions (>= 4.1) - restriction: || (&& (== net461) (< net451)) (== netcoreapp2.2)
      System.Runtime.InteropServices (>= 4.1) - restriction: || (&& (== net461) (< net451)) (== netcoreapp2.2)
      System.Runtime.InteropServices.RuntimeInformation (>= 4.0) - restriction: || (&& (== net461) (< net451)) (== netcoreapp2.2)
    Microsoft.DotNet.PlatformAbstractions (2.1) - restriction: || (&& (== net461) (>= netcoreapp1.0)) (== netcoreapp2.2)
      System.AppContext (>= 4.1) - restriction: || (&& (== net461) (< net45)) (== netcoreapp2.2)
      System.Collections (>= 4.0.11) - restriction: || (&& (== net461) (< net45)) (== netcoreapp2.2)
      System.IO (>= 4.1) - restriction: || (&& (== net461) (< net45)) (== netcoreapp2.2)
      System.IO.FileSystem (>= 4.0.1) - restriction: || (&& (== net461) (< net45)) (== netcoreapp2.2)
      System.Reflection.TypeExtensions (>= 4.1) - restriction: || (&& (== net461) (< net45)) (== netcoreapp2.2)
      System.Runtime.Extensions (>= 4.1) - restriction: || (&& (== net461) (< net45)) (== netcoreapp2.2)
      System.Runtime.InteropServices (>= 4.1) - restriction: || (&& (== net461) (< net45)) (== netcoreapp2.2)
      System.Runtime.InteropServices.RuntimeInformation (>= 4.0)
    Microsoft.Extensions.DependencyModel (2.1) - restriction: || (&& (== net461) (>= netcoreapp1.0)) (== netcoreapp2.2)
      Microsoft.DotNet.PlatformAbstractions (>= 2.1)
      Newtonsoft.Json (>= 9.0.1)
      System.Diagnostics.Debug (>= 4.0.11) - restriction: || (&& (== net461) (< net451)) (== netcoreapp2.2)
      System.Dynamic.Runtime (>= 4.0.11) - restriction: || (&& (== net461) (< net451)) (== netcoreapp2.2)
      System.Linq (>= 4.1) - restriction: || (&& (== net461) (< net451)) (== netcoreapp2.2)
    Microsoft.NET.Test.Sdk (16.1.1)
      Microsoft.CodeCoverage (>= 16.1.1)
      Microsoft.TestPlatform.TestHost (>= 16.1.1) - restriction: || (&& (== net461) (>= netcoreapp1.0)) (== netcoreapp2.2)
    Microsoft.NETCore.Platforms (2.2.1) - restriction: || (&& (== net461) (>= netcoreapp2.0)) (== netcoreapp2.2)
    Microsoft.NETCore.Targets (2.1) - restriction: || (&& (== net461) (>= netcoreapp1.0)) (== netcoreapp2.2)
    Microsoft.TestPlatform.ObjectModel (16.1.1) - restriction: || (&& (== net461) (>= netcoreapp1.0)) (== netcoreapp2.2)
      NETStandard.Library (>= 1.6) - restriction: || (&& (== net461) (< net451) (>= netstandard1.5)) (== netcoreapp2.2)
      System.ComponentModel.EventBasedAsync (>= 4.0.11) - restriction: || (&& (== net461) (< net451) (>= netstandard1.5)) (== netcoreapp2.2)
      System.ComponentModel.TypeConverter (>= 4.1) - restriction: || (&& (== net461) (< net451)) (== netcoreapp2.2)
      System.Diagnostics.Process (>= 4.1) - restriction: || (&& (== net461) (< net451) (>= netstandard1.5)) (== netcoreapp2.2)
      System.Diagnostics.TextWriterTraceListener (>= 4.0) - restriction: || (&& (== net461) (< net451) (>= netstandard1.5)) (== netcoreapp2.2)
      System.Diagnostics.TraceSource (>= 4.0) - restriction: || (&& (== net461) (< net451) (>= netstandard1.5)) (== netcoreapp2.2)
      System.Reflection.Metadata (>= 1.3)
      System.Reflection.TypeExtensions (>= 4.1) - restriction: || (&& (== net461) (< net451) (>= netstandard1.5)) (== netcoreapp2.2)
      System.Runtime.InteropServices.RuntimeInformation (>= 4.0) - restriction: || (&& (== net461) (< net451)) (== netcoreapp2.2)
      System.Runtime.Loader (>= 4.0) - restriction: || (&& (== net461) (< net451) (>= netstandard1.5)) (== netcoreapp2.2)
      System.Runtime.Serialization.Json (>= 4.0.2) - restriction: || (&& (== net461) (< net451) (>= netstandard1.5)) (== netcoreapp2.2)
      System.Runtime.Serialization.Primitives (>= 4.1.1) - restriction: || (&& (== net461) (< net451) (>= netstandard1.5)) (== netcoreapp2.2)
      System.Threading.Thread (>= 4.0) - restriction: || (&& (== net461) (< net451) (>= netstandard1.5)) (== netcoreapp2.2)
      System.Xml.XPath.XmlDocument (>= 4.0.1) - restriction: || (&& (== net461) (< net451) (>= netstandard1.5)) (== netcoreapp2.2)
    Microsoft.TestPlatform.TestHost (16.1.1) - restriction: || (&& (== net461) (>= netcoreapp1.0)) (== netcoreapp2.2)
      Microsoft.Extensions.DependencyModel (>= 1.0.3) - restriction: || (&& (== net461) (>= netcoreapp1.0)) (== netcoreapp2.2)
      Microsoft.TestPlatform.ObjectModel (>= 16.1.1) - restriction: || (&& (== net461) (>= netcoreapp1.0)) (&& (== net461) (>= uap10.0)) (== netcoreapp2.2)
      Newtonsoft.Json (>= 9.0.1) - restriction: || (&& (== net461) (>= netcoreapp1.0)) (&& (== net461) (>= uap10.0)) (== netcoreapp2.2)
    Microsoft.Win32.Primitives (4.3) - restriction: || (&& (== net461) (>= netcoreapp1.0)) (== netcoreapp2.2)
      Microsoft.NETCore.Platforms (>= 1.1) - restriction: || (&& (== net461) (< net46)) (== netcoreapp2.2)
      Microsoft.NETCore.Targets (>= 1.1) - restriction: || (&& (== net461) (< net46)) (== netcoreapp2.2)
      System.Runtime (>= 4.3) - restriction: || (&& (== net461) (< net46)) (== netcoreapp2.2)
    Microsoft.Win32.Registry (4.5) - restriction: || (&& (== net461) (>= netcoreapp1.0)) (== netcoreapp2.2)
      System.Security.AccessControl (>= 4.5)
      System.Security.Principal.Windows (>= 4.5)
    NETStandard.Library (2.0.3) - restriction: || (&& (== net461) (< net35) (>= netstandard2.0)) (== netcoreapp2.2)
      Microsoft.NETCore.Platforms (>= 1.1)
    Newtonsoft.Json (12.0.2) - restriction: || (&& (== net461) (>= netcoreapp1.0)) (== netcoreapp2.2)
    NUnit (3.12)
      NETStandard.Library (>= 2.0) - restriction: || (&& (== net461) (< net35) (>= netstandard2.0)) (== netcoreapp2.2)
    NUnit3TestAdapter (3.12)
      Microsoft.DotNet.InternalAbstractions (>= 1.0) - restriction: || (&& (== net461) (>= netcoreapp1.0)) (== netcoreapp2.2)
      System.ComponentModel.EventBasedAsync (>= 4.3) - restriction: || (&& (== net461) (>= netcoreapp1.0)) (== netcoreapp2.2)
      System.ComponentModel.TypeConverter (>= 4.3) - restriction: || (&& (== net461) (>= netcoreapp1.0)) (== netcoreapp2.2)
      System.Diagnostics.Process (>= 4.3) - restriction: || (&& (== net461) (>= netcoreapp1.0)) (== netcoreapp2.2)
      System.Reflection (>= 4.3) - restriction: || (&& (== net461) (>= netcoreapp1.0)) (== netcoreapp2.2)
      System.Runtime.InteropServices.RuntimeInformation (>= 4.3) - restriction: || (&& (== net461) (>= netcoreapp1.0)) (== netcoreapp2.2)
      System.Threading.Thread (>= 4.3) - restriction: || (&& (== net461) (>= netcoreapp1.0)) (== netcoreapp2.2)
      System.Xml.XmlDocument (>= 4.3) - restriction: || (&& (== net461) (>= netcoreapp1.0)) (== netcoreapp2.2)
      System.Xml.XPath.XmlDocument (>= 4.3) - restriction: || (&& (== net461) (>= netcoreapp1.0)) (== netcoreapp2.2)
    runtime.debian.8-x64.runtime.native.System.Security.Cryptography.OpenSsl (4.3.3) - restriction: == netcoreapp2.2
    runtime.debian.9-x64.runtime.native.System.Security.Cryptography.OpenSsl (4.3.3) - restriction: == netcoreapp2.2
    runtime.fedora.23-x64.runtime.native.System.Security.Cryptography.OpenSsl (4.3.3) - restriction: == netcoreapp2.2
    runtime.fedora.24-x64.runtime.native.System.Security.Cryptography.OpenSsl (4.3.3) - restriction: == netcoreapp2.2
    runtime.fedora.27-x64.runtime.native.System.Security.Cryptography.OpenSsl (4.3.3) - restriction: == netcoreapp2.2
    runtime.fedora.28-x64.runtime.native.System.Security.Cryptography.OpenSsl (4.3.3) - restriction: == netcoreapp2.2
    runtime.native.System (4.3.1) - restriction: || (&& (== net461) (>= netcoreapp1.0)) (== netcoreapp2.2)
      Microsoft.NETCore.Platforms (>= 1.1.1)
      Microsoft.NETCore.Targets (>= 1.1.3)
    runtime.native.System.Security.Cryptography.Apple (4.3.1) - restriction: == netcoreapp2.2
      runtime.osx.10.10-x64.runtime.native.System.Security.Cryptography.Apple (>= 4.3.1)
    runtime.native.System.Security.Cryptography.OpenSsl (4.3.3) - restriction: == netcoreapp2.2
      runtime.debian.8-x64.runtime.native.System.Security.Cryptography.OpenSsl (>= 4.3.3)
      runtime.debian.9-x64.runtime.native.System.Security.Cryptography.OpenSsl (>= 4.3.3)
      runtime.fedora.23-x64.runtime.native.System.Security.Cryptography.OpenSsl (>= 4.3.3)
      runtime.fedora.24-x64.runtime.native.System.Security.Cryptography.OpenSsl (>= 4.3.3)
      runtime.fedora.27-x64.runtime.native.System.Security.Cryptography.OpenSsl (>= 4.3.3)
      runtime.fedora.28-x64.runtime.native.System.Security.Cryptography.OpenSsl (>= 4.3.3)
      runtime.opensuse.13.2-x64.runtime.native.System.Security.Cryptography.OpenSsl (>= 4.3.3)
      runtime.opensuse.42.1-x64.runtime.native.System.Security.Cryptography.OpenSsl (>= 4.3.3)
      runtime.opensuse.42.3-x64.runtime.native.System.Security.Cryptography.OpenSsl (>= 4.3.3)
      runtime.osx.10.10-x64.runtime.native.System.Security.Cryptography.OpenSsl (>= 4.3.3)
      runtime.rhel.7-x64.runtime.native.System.Security.Cryptography.OpenSsl (>= 4.3.3)
      runtime.ubuntu.14.04-x64.runtime.native.System.Security.Cryptography.OpenSsl (>= 4.3.3)
      runtime.ubuntu.16.04-x64.runtime.native.System.Security.Cryptography.OpenSsl (>= 4.3.3)
      runtime.ubuntu.16.10-x64.runtime.native.System.Security.Cryptography.OpenSsl (>= 4.3.3)
      runtime.ubuntu.18.04-x64.runtime.native.System.Security.Cryptography.OpenSsl (>= 4.3.3)
    runtime.opensuse.13.2-x64.runtime.native.System.Security.Cryptography.OpenSsl (4.3.3) - restriction: == netcoreapp2.2
    runtime.opensuse.42.1-x64.runtime.native.System.Security.Cryptography.OpenSsl (4.3.3) - restriction: == netcoreapp2.2
    runtime.opensuse.42.3-x64.runtime.native.System.Security.Cryptography.OpenSsl (4.3.3) - restriction: == netcoreapp2.2
    runtime.osx.10.10-x64.runtime.native.System.Security.Cryptography.Apple (4.3.1) - restriction: == netcoreapp2.2
    runtime.osx.10.10-x64.runtime.native.System.Security.Cryptography.OpenSsl (4.3.3) - restriction: == netcoreapp2.2
    runtime.rhel.7-x64.runtime.native.System.Security.Cryptography.OpenSsl (4.3.3) - restriction: == netcoreapp2.2
    runtime.ubuntu.14.04-x64.runtime.native.System.Security.Cryptography.OpenSsl (4.3.3) - restriction: == netcoreapp2.2
    runtime.ubuntu.16.04-x64.runtime.native.System.Security.Cryptography.OpenSsl (4.3.3) - restriction: == netcoreapp2.2
    runtime.ubuntu.16.10-x64.runtime.native.System.Security.Cryptography.OpenSsl (4.3.3) - restriction: == netcoreapp2.2
    runtime.ubuntu.18.04-x64.runtime.native.System.Security.Cryptography.OpenSsl (4.3.3) - restriction: == netcoreapp2.2
    System.AppContext (4.3) - restriction: || (&& (== net461) (>= netcoreapp1.0)) (== netcoreapp2.2)
      System.Runtime (>= 4.3) - restriction: || (&& (== net461) (< net46)) (== netcoreapp2.2)
    System.Collections (4.3) - restriction: == netcoreapp2.2
      Microsoft.NETCore.Platforms (>= 1.1) - restriction: || (&& (== net461) (< net45)) (== netcoreapp2.2)
      Microsoft.NETCore.Targets (>= 1.1) - restriction: || (&& (== net461) (< net45)) (== netcoreapp2.2)
      System.Runtime (>= 4.3) - restriction: || (&& (== net461) (< net45)) (== netcoreapp2.2)
    System.Collections.Concurrent (4.3) - restriction: == netcoreapp2.2
      System.Collections (>= 4.3) - restriction: || (&& (== net461) (< net45)) (== netcoreapp2.2)
      System.Diagnostics.Debug (>= 4.3) - restriction: || (&& (== net461) (< net45)) (== netcoreapp2.2)
      System.Diagnostics.Tracing (>= 4.3) - restriction: || (&& (== net461) (< net45)) (== netcoreapp2.2)
      System.Globalization (>= 4.3) - restriction: || (&& (== net461) (< net45)) (== netcoreapp2.2)
      System.Reflection (>= 4.3) - restriction: || (&& (== net461) (< net45)) (== netcoreapp2.2)
      System.Resources.ResourceManager (>= 4.3) - restriction: || (&& (== net461) (< net45)) (== netcoreapp2.2)
      System.Runtime (>= 4.3) - restriction: || (&& (== net461) (< net45)) (== netcoreapp2.2)
      System.Runtime.Extensions (>= 4.3) - restriction: || (&& (== net461) (< net45)) (== netcoreapp2.2)
      System.Threading (>= 4.3) - restriction: || (&& (== net461) (< net45)) (== netcoreapp2.2)
      System.Threading.Tasks (>= 4.3) - restriction: || (&& (== net461) (< net45)) (== netcoreapp2.2)
    System.Collections.Immutable (1.5)
    System.Collections.NonGeneric (4.3) - restriction: || (&& (== net461) (>= netcoreapp1.0)) (== netcoreapp2.2)
      System.Diagnostics.Debug (>= 4.3) - restriction: || (&& (== net461) (< net46)) (== netcoreapp2.2)
      System.Globalization (>= 4.3) - restriction: || (&& (== net461) (< net46)) (== netcoreapp2.2)
      System.Resources.ResourceManager (>= 4.3) - restriction: || (&& (== net461) (< net46)) (== netcoreapp2.2)
      System.Runtime (>= 4.3) - restriction: || (&& (== net461) (< net46)) (== netcoreapp2.2)
      System.Runtime.Extensions (>= 4.3) - restriction: || (&& (== net461) (< net46)) (== netcoreapp2.2)
      System.Threading (>= 4.3) - restriction: || (&& (== net461) (< net46)) (== netcoreapp2.2)
    System.Collections.Specialized (4.3) - restriction: || (&& (== net461) (>= netcoreapp1.0)) (== netcoreapp2.2)
      System.Collections.NonGeneric (>= 4.3) - restriction: || (&& (== net461) (< net46)) (== netcoreapp2.2)
      System.Globalization (>= 4.3) - restriction: || (&& (== net461) (< net46)) (== netcoreapp2.2)
      System.Globalization.Extensions (>= 4.3) - restriction: || (&& (== net461) (< net46)) (== netcoreapp2.2)
      System.Resources.ResourceManager (>= 4.3) - restriction: || (&& (== net461) (< net46)) (== netcoreapp2.2)
      System.Runtime (>= 4.3) - restriction: || (&& (== net461) (< net46)) (== netcoreapp2.2)
      System.Runtime.Extensions (>= 4.3) - restriction: || (&& (== net461) (< net46)) (== netcoreapp2.2)
      System.Threading (>= 4.3) - restriction: || (&& (== net461) (< net46)) (== netcoreapp2.2)
    System.ComponentModel (4.3) - restriction: || (&& (== net461) (>= netcoreapp1.0)) (== netcoreapp2.2)
      System.Runtime (>= 4.3) - restriction: || (&& (== net461) (< net45)) (== netcoreapp2.2)
    System.ComponentModel.EventBasedAsync (4.3) - restriction: || (&& (== net461) (>= netcoreapp1.0)) (== netcoreapp2.2)
      System.Resources.ResourceManager (>= 4.3) - restriction: || (&& (== net461) (< net45)) (== netcoreapp2.2)
      System.Runtime (>= 4.3) - restriction: || (&& (== net461) (< net45)) (== netcoreapp2.2)
      System.Threading (>= 4.3) - restriction: || (&& (== net461) (< net45)) (== netcoreapp2.2)
      System.Threading.Tasks (>= 4.3) - restriction: || (&& (== net461) (< net45)) (== netcoreapp2.2)
    System.ComponentModel.Primitives (4.3) - restriction: || (&& (== net461) (>= netcoreapp1.0)) (== netcoreapp2.2)
      System.ComponentModel (>= 4.3) - restriction: || (&& (== net461) (< net45)) (== netcoreapp2.2)
      System.Resources.ResourceManager (>= 4.3) - restriction: || (&& (== net461) (< net45)) (== netcoreapp2.2)
      System.Runtime (>= 4.3) - restriction: || (&& (== net461) (< net45)) (== netcoreapp2.2)
    System.ComponentModel.TypeConverter (4.3) - restriction: || (&& (== net461) (>= netcoreapp1.0)) (== netcoreapp2.2)
      System.Collections (>= 4.3) - restriction: || (&& (== net461) (< net45)) (== netcoreapp2.2)
      System.Collections.NonGeneric (>= 4.3) - restriction: || (&& (== net461) (< net45) (>= netstandard1.5)) (&& (== net461) (>= net462)) (== netcoreapp2.2)
      System.Collections.Specialized (>= 4.3) - restriction: || (&& (== net461) (< net45) (>= netstandard1.5)) (== netcoreapp2.2)
      System.ComponentModel (>= 4.3) - restriction: || (&& (== net461) (< net45)) (== netcoreapp2.2)
      System.ComponentModel.Primitives (>= 4.3)
      System.Globalization (>= 4.3) - restriction: || (&& (== net461) (< net45)) (== netcoreapp2.2)
      System.Linq (>= 4.3) - restriction: || (&& (== net461) (< net45) (>= netstandard1.5)) (== netcoreapp2.2)
      System.Reflection (>= 4.3) - restriction: || (&& (== net461) (< net45)) (== netcoreapp2.2)
      System.Reflection.Extensions (>= 4.3) - restriction: || (&& (== net461) (< net45)) (== netcoreapp2.2)
      System.Reflection.Primitives (>= 4.3) - restriction: || (&& (== net461) (< net45)) (== netcoreapp2.2)
      System.Reflection.TypeExtensions (>= 4.3) - restriction: || (&& (== net461) (< net45) (>= netstandard1.5)) (== netcoreapp2.2)
      System.Resources.ResourceManager (>= 4.3) - restriction: || (&& (== net461) (< net45)) (== netcoreapp2.2)
      System.Runtime (>= 4.3) - restriction: || (&& (== net461) (< net45)) (== netcoreapp2.2)
      System.Runtime.Extensions (>= 4.3) - restriction: || (&& (== net461) (< net45)) (== netcoreapp2.2)
      System.Threading (>= 4.3) - restriction: || (&& (== net461) (< net45)) (== netcoreapp2.2)
    System.Diagnostics.Debug (4.3) - restriction: || (&& (== net461) (>= netcoreapp1.0)) (== netcoreapp2.2)
      Microsoft.NETCore.Platforms (>= 1.1) - restriction: || (&& (== net461) (< net45)) (== netcoreapp2.2)
      Microsoft.NETCore.Targets (>= 1.1) - restriction: || (&& (== net461) (< net45)) (== netcoreapp2.2)
      System.Runtime (>= 4.3) - restriction: || (&& (== net461) (< net45)) (== netcoreapp2.2)
    System.Diagnostics.Process (4.3) - restriction: || (&& (== net461) (>= netcoreapp1.0)) (== netcoreapp2.2)
      Microsoft.NETCore.Platforms (>= 1.1) - restriction: || (&& (== net461) (< net46)) (== netcoreapp2.2)
      Microsoft.Win32.Primitives (>= 4.3) - restriction: || (&& (== net461) (< net46)) (== netcoreapp2.2)
      Microsoft.Win32.Registry (>= 4.3) - restriction: || (&& (== net461) (< net46)) (== netcoreapp2.2)
      runtime.native.System (>= 4.3) - restriction: || (&& (== net461) (< net46)) (== netcoreapp2.2)
      System.Collections (>= 4.3) - restriction: || (&& (== net461) (< net46)) (== netcoreapp2.2)
      System.Diagnostics.Debug (>= 4.3) - restriction: || (&& (== net461) (< net46)) (== netcoreapp2.2)
      System.Globalization (>= 4.3) - restriction: || (&& (== net461) (< net46)) (== netcoreapp2.2)
      System.IO (>= 4.3) - restriction: || (&& (== net461) (< net46)) (== netcoreapp2.2)
      System.IO.FileSystem (>= 4.3) - restriction: || (&& (== net461) (< net46)) (== netcoreapp2.2)
      System.IO.FileSystem.Primitives (>= 4.3) - restriction: || (&& (== net461) (< net46)) (== netcoreapp2.2)
      System.Resources.ResourceManager (>= 4.3) - restriction: || (&& (== net461) (< net46)) (== netcoreapp2.2)
      System.Runtime (>= 4.3) - restriction: || (&& (== net461) (< net46)) (== netcoreapp2.2)
      System.Runtime.Extensions (>= 4.3) - restriction: || (&& (== net461) (< net46)) (== netcoreapp2.2)
      System.Runtime.Handles (>= 4.3) - restriction: || (&& (== net461) (< net46)) (== netcoreapp2.2)
      System.Runtime.InteropServices (>= 4.3) - restriction: || (&& (== net461) (< net46)) (== netcoreapp2.2)
      System.Text.Encoding (>= 4.3) - restriction: || (&& (== net461) (< net46)) (== netcoreapp2.2)
      System.Text.Encoding.Extensions (>= 4.3) - restriction: || (&& (== net461) (< net46)) (== netcoreapp2.2)
      System.Threading (>= 4.3) - restriction: || (&& (== net461) (< net46)) (== netcoreapp2.2)
      System.Threading.Tasks (>= 4.3) - restriction: || (&& (== net461) (< net46)) (== netcoreapp2.2)
      System.Threading.Thread (>= 4.3) - restriction: || (&& (== net461) (< net46)) (== netcoreapp2.2)
      System.Threading.ThreadPool (>= 4.3) - restriction: || (&& (== net461) (< net46)) (== netcoreapp2.2)
    System.Diagnostics.TextWriterTraceListener (4.3) - restriction: || (&& (== net461) (>= netcoreapp1.0)) (== netcoreapp2.2)
      System.Diagnostics.TraceSource (>= 4.3)
      System.Globalization (>= 4.3) - restriction: || (&& (== net461) (< net46)) (== netcoreapp2.2)
      System.IO (>= 4.3) - restriction: || (&& (== net461) (< net46)) (== netcoreapp2.2)
      System.Resources.ResourceManager (>= 4.3) - restriction: || (&& (== net461) (< net46)) (== netcoreapp2.2)
      System.Runtime (>= 4.3) - restriction: || (&& (== net461) (< net46)) (== netcoreapp2.2)
      System.Threading (>= 4.3) - restriction: || (&& (== net461) (< net46)) (== netcoreapp2.2)
    System.Diagnostics.Tools (4.3) - restriction: || (&& (== net461) (>= netcoreapp1.0)) (== netcoreapp2.2)
      Microsoft.NETCore.Platforms (>= 1.1) - restriction: || (&& (== net461) (< net45)) (== netcoreapp2.2)
      Microsoft.NETCore.Targets (>= 1.1) - restriction: || (&& (== net461) (< net45)) (== netcoreapp2.2)
      System.Runtime (>= 4.3) - restriction: || (&& (== net461) (< net45)) (== netcoreapp2.2)
    System.Diagnostics.TraceSource (4.3) - restriction: || (&& (== net461) (>= netcoreapp1.0)) (== netcoreapp2.2)
      Microsoft.NETCore.Platforms (>= 1.1) - restriction: || (&& (== net461) (< net46)) (== netcoreapp2.2)
      runtime.native.System (>= 4.3) - restriction: || (&& (== net461) (< net46)) (== netcoreapp2.2)
      System.Collections (>= 4.3) - restriction: || (&& (== net461) (< net46)) (== netcoreapp2.2)
      System.Diagnostics.Debug (>= 4.3) - restriction: || (&& (== net461) (< net46)) (== netcoreapp2.2)
      System.Globalization (>= 4.3) - restriction: || (&& (== net461) (< net46)) (== netcoreapp2.2)
      System.Resources.ResourceManager (>= 4.3) - restriction: || (&& (== net461) (< net46)) (== netcoreapp2.2)
      System.Runtime (>= 4.3) - restriction: || (&& (== net461) (< net46)) (== netcoreapp2.2)
      System.Runtime.Extensions (>= 4.3) - restriction: || (&& (== net461) (< net46)) (== netcoreapp2.2)
      System.Threading (>= 4.3) - restriction: || (&& (== net461) (< net46)) (== netcoreapp2.2)
    System.Diagnostics.Tracing (4.3) - restriction: == netcoreapp2.2
      Microsoft.NETCore.Platforms (>= 1.1) - restriction: || (&& (== net461) (< net45)) (== netcoreapp2.2)
      Microsoft.NETCore.Targets (>= 1.1) - restriction: || (&& (== net461) (< net45)) (== netcoreapp2.2)
      System.Runtime (>= 4.3) - restriction: || (&& (== net461) (< net45)) (== netcoreapp2.2)
    System.Dynamic.Runtime (4.3) - restriction: || (&& (== net461) (>= netcoreapp1.0)) (== netcoreapp2.2)
      System.Collections (>= 4.3) - restriction: || (&& (== net461) (< net45)) (== netcoreapp2.2)
      System.Diagnostics.Debug (>= 4.3) - restriction: || (&& (== net461) (< net45)) (== netcoreapp2.2)
      System.Linq (>= 4.3) - restriction: || (&& (== net461) (< net45)) (== netcoreapp2.2)
      System.Linq.Expressions (>= 4.3) - restriction: || (&& (== net461) (< net45)) (== netcoreapp2.2)
      System.ObjectModel (>= 4.3) - restriction: || (&& (== net461) (< net45)) (== netcoreapp2.2)
      System.Reflection (>= 4.3) - restriction: || (&& (== net461) (< net45)) (== netcoreapp2.2)
      System.Reflection.Emit (>= 4.3) - restriction: || (&& (== net461) (< net45)) (== netcoreapp2.2)
      System.Reflection.Emit.ILGeneration (>= 4.3) - restriction: || (&& (== net461) (< net45)) (== netcoreapp2.2)
      System.Reflection.Primitives (>= 4.3) - restriction: || (&& (== net461) (< net45)) (== netcoreapp2.2)
      System.Reflection.TypeExtensions (>= 4.3) - restriction: || (&& (== net461) (< net45)) (== netcoreapp2.2)
      System.Resources.ResourceManager (>= 4.3) - restriction: || (&& (== net461) (< net45)) (== netcoreapp2.2)
      System.Runtime (>= 4.3) - restriction: || (&& (== net461) (< net45)) (== netcoreapp2.2)
      System.Runtime.Extensions (>= 4.3) - restriction: || (&& (== net461) (< net45)) (== netcoreapp2.2)
      System.Threading (>= 4.3) - restriction: || (&& (== net461) (< net45)) (== netcoreapp2.2)
    System.Globalization (4.3) - restriction: || (&& (== net461) (>= netcoreapp1.0)) (== netcoreapp2.2)
      Microsoft.NETCore.Platforms (>= 1.1) - restriction: || (&& (== net461) (< net45)) (== netcoreapp2.2)
      Microsoft.NETCore.Targets (>= 1.1) - restriction: || (&& (== net461) (< net45)) (== netcoreapp2.2)
      System.Runtime (>= 4.3) - restriction: || (&& (== net461) (< net45)) (== netcoreapp2.2)
    System.Globalization.Extensions (4.3) - restriction: || (&& (== net461) (>= netcoreapp1.0)) (== netcoreapp2.2)
      Microsoft.NETCore.Platforms (>= 1.1) - restriction: || (&& (== net461) (< net46)) (== netcoreapp2.2)
      System.Globalization (>= 4.3) - restriction: || (&& (== net461) (< net46)) (== netcoreapp2.2)
      System.Resources.ResourceManager (>= 4.3) - restriction: || (&& (== net461) (< net46)) (== netcoreapp2.2)
      System.Runtime (>= 4.3) - restriction: || (&& (== net461) (< net46)) (== netcoreapp2.2)
      System.Runtime.Extensions (>= 4.3) - restriction: || (&& (== net461) (< net46)) (== netcoreapp2.2)
      System.Runtime.InteropServices (>= 4.3) - restriction: || (&& (== net461) (< net46)) (== netcoreapp2.2)
    System.IO (4.3) - restriction: == netcoreapp2.2
      Microsoft.NETCore.Platforms (>= 1.1) - restriction: || (&& (== net461) (< net45)) (== netcoreapp2.2)
      Microsoft.NETCore.Targets (>= 1.1) - restriction: || (&& (== net461) (< net45)) (== netcoreapp2.2)
      System.Runtime (>= 4.3) - restriction: || (&& (== net461) (< net45)) (== netcoreapp2.2)
      System.Text.Encoding (>= 4.3) - restriction: || (&& (== net461) (< net45)) (== netcoreapp2.2)
      System.Threading.Tasks (>= 4.3) - restriction: || (&& (== net461) (< net45)) (== netcoreapp2.2)
    System.IO.FileSystem (4.3) - restriction: || (&& (== net461) (>= netcoreapp1.0)) (== netcoreapp2.2)
      Microsoft.NETCore.Platforms (>= 1.1) - restriction: || (&& (== net461) (< net46)) (== netcoreapp2.2)
      Microsoft.NETCore.Targets (>= 1.1) - restriction: || (&& (== net461) (< net46)) (== netcoreapp2.2)
      System.IO (>= 4.3) - restriction: || (&& (== net461) (< net46)) (== netcoreapp2.2)
      System.IO.FileSystem.Primitives (>= 4.3)
      System.Runtime (>= 4.3) - restriction: || (&& (== net461) (< net46)) (== netcoreapp2.2)
      System.Runtime.Handles (>= 4.3) - restriction: || (&& (== net461) (< net46)) (== netcoreapp2.2)
      System.Text.Encoding (>= 4.3) - restriction: || (&& (== net461) (< net46)) (== netcoreapp2.2)
      System.Threading.Tasks (>= 4.3) - restriction: || (&& (== net461) (< net46)) (== netcoreapp2.2)
    System.IO.FileSystem.Primitives (4.3) - restriction: || (&& (== net461) (>= netcoreapp1.0)) (== netcoreapp2.2)
      System.Runtime (>= 4.3) - restriction: || (&& (== net461) (< net46)) (== netcoreapp2.2)
    System.Linq (4.3) - restriction: || (&& (== net461) (>= netcoreapp1.0)) (== netcoreapp2.2)
      System.Collections (>= 4.3) - restriction: || (&& (== net461) (< net45)) (== netcoreapp2.2)
      System.Diagnostics.Debug (>= 4.3) - restriction: || (&& (== net461) (< net45) (>= netstandard1.6)) (== netcoreapp2.2)
      System.Resources.ResourceManager (>= 4.3) - restriction: || (&& (== net461) (< net45) (>= netstandard1.6)) (== netcoreapp2.2)
      System.Runtime (>= 4.3) - restriction: || (&& (== net461) (< net45)) (== netcoreapp2.2)
      System.Runtime.Extensions (>= 4.3) - restriction: || (&& (== net461) (< net45) (>= netstandard1.6)) (== netcoreapp2.2)
    System.Linq.Expressions (4.3) - restriction: || (&& (== net461) (>= netcoreapp1.0)) (== netcoreapp2.2)
      System.Collections (>= 4.3) - restriction: || (&& (== net461) (< net45) (>= netstandard1.6)) (== netcoreapp2.2)
      System.Diagnostics.Debug (>= 4.3) - restriction: || (&& (== net461) (< net45) (>= netstandard1.6)) (== netcoreapp2.2)
      System.Globalization (>= 4.3) - restriction: || (&& (== net461) (< net45) (>= netstandard1.6)) (== netcoreapp2.2)
      System.IO (>= 4.3) - restriction: || (&& (== net461) (< net45) (>= netstandard1.6)) (== netcoreapp2.2)
      System.Linq (>= 4.3) - restriction: || (&& (== net461) (< net45) (>= netstandard1.6)) (== netcoreapp2.2)
      System.ObjectModel (>= 4.3) - restriction: || (&& (== net461) (< net45) (>= netstandard1.6)) (== netcoreapp2.2)
      System.Reflection (>= 4.3) - restriction: || (&& (== net461) (< net45)) (== netcoreapp2.2)
      System.Reflection.Emit (>= 4.3) - restriction: || (&& (== net461) (< net45) (>= netstandard1.6)) (== netcoreapp2.2)
      System.Reflection.Emit.ILGeneration (>= 4.3) - restriction: || (&& (== net461) (< net45) (>= netstandard1.6)) (== netcoreapp2.2)
      System.Reflection.Emit.Lightweight (>= 4.3) - restriction: || (&& (== net461) (< net45) (>= netstandard1.6)) (== netcoreapp2.2)
      System.Reflection.Extensions (>= 4.3) - restriction: || (&& (== net461) (< net45) (>= netstandard1.6)) (== netcoreapp2.2)
      System.Reflection.Primitives (>= 4.3) - restriction: || (&& (== net461) (< net45) (>= netstandard1.6)) (== netcoreapp2.2)
      System.Reflection.TypeExtensions (>= 4.3) - restriction: || (&& (== net461) (< net45) (>= netstandard1.6)) (== netcoreapp2.2)
      System.Resources.ResourceManager (>= 4.3) - restriction: || (&& (== net461) (< net45) (>= netstandard1.6)) (== netcoreapp2.2)
      System.Runtime (>= 4.3) - restriction: || (&& (== net461) (< net45)) (== netcoreapp2.2)
      System.Runtime.Extensions (>= 4.3) - restriction: || (&& (== net461) (< net45) (>= netstandard1.6)) (== netcoreapp2.2)
      System.Threading (>= 4.3) - restriction: || (&& (== net461) (< net45) (>= netstandard1.6)) (== netcoreapp2.2)
    System.ObjectModel (4.3) - restriction: || (&& (== net461) (>= netcoreapp1.0)) (== netcoreapp2.2)
      System.Collections (>= 4.3) - restriction: || (&& (== net461) (< net45)) (== netcoreapp2.2)
      System.Diagnostics.Debug (>= 4.3) - restriction: || (&& (== net461) (< net45)) (== netcoreapp2.2)
      System.Resources.ResourceManager (>= 4.3) - restriction: || (&& (== net461) (< net45)) (== netcoreapp2.2)
      System.Runtime (>= 4.3) - restriction: || (&& (== net461) (< net45)) (== netcoreapp2.2)
      System.Threading (>= 4.3) - restriction: || (&& (== net461) (< net45)) (== netcoreapp2.2)
    System.Private.DataContractSerialization (4.3) - restriction: || (&& (== net461) (>= netcoreapp1.0)) (== netcoreapp2.2)
      System.Collections (>= 4.3) - restriction: || (&& (== net461) (< net46)) (== netcoreapp2.2)
      System.Collections.Concurrent (>= 4.3) - restriction: || (&& (== net461) (< net46)) (== netcoreapp2.2)
      System.Diagnostics.Debug (>= 4.3) - restriction: || (&& (== net461) (< net46)) (== netcoreapp2.2)
      System.Globalization (>= 4.3) - restriction: || (&& (== net461) (< net46)) (== netcoreapp2.2)
      System.IO (>= 4.3) - restriction: || (&& (== net461) (< net46)) (== netcoreapp2.2)
      System.Linq (>= 4.3) - restriction: || (&& (== net461) (< net46)) (== netcoreapp2.2)
      System.Reflection (>= 4.3) - restriction: || (&& (== net461) (< net46)) (== netcoreapp2.2)
      System.Reflection.Emit.ILGeneration (>= 4.3) - restriction: || (&& (== net461) (< net46)) (== netcoreapp2.2)
      System.Reflection.Emit.Lightweight (>= 4.3) - restriction: || (&& (== net461) (< net46)) (== netcoreapp2.2)
      System.Reflection.Extensions (>= 4.3) - restriction: || (&& (== net461) (< net46)) (== netcoreapp2.2)
      System.Reflection.Primitives (>= 4.3) - restriction: || (&& (== net461) (< net46)) (== netcoreapp2.2)
      System.Reflection.TypeExtensions (>= 4.3)
      System.Resources.ResourceManager (>= 4.3) - restriction: || (&& (== net461) (< net46)) (== netcoreapp2.2)
      System.Runtime (>= 4.3) - restriction: || (&& (== net461) (< net46)) (== netcoreapp2.2)
      System.Runtime.Extensions (>= 4.3) - restriction: || (&& (== net461) (< net46)) (== netcoreapp2.2)
      System.Runtime.Serialization.Primitives (>= 4.3)
      System.Text.Encoding (>= 4.3) - restriction: || (&& (== net461) (< net46)) (== netcoreapp2.2)
      System.Text.Encoding.Extensions (>= 4.3) - restriction: || (&& (== net461) (< net46)) (== netcoreapp2.2)
      System.Text.RegularExpressions (>= 4.3) - restriction: || (&& (== net461) (< net46)) (== netcoreapp2.2)
      System.Threading (>= 4.3) - restriction: || (&& (== net461) (< net46)) (== netcoreapp2.2)
      System.Threading.Tasks (>= 4.3) - restriction: || (&& (== net461) (< net46)) (== netcoreapp2.2)
      System.Xml.ReaderWriter (>= 4.3) - restriction: || (&& (== net461) (< net46)) (== netcoreapp2.2)
      System.Xml.XDocument (>= 4.3) - restriction: || (&& (== net461) (< net46)) (== netcoreapp2.2)
      System.Xml.XmlDocument (>= 4.3)
      System.Xml.XmlSerializer (>= 4.3) - restriction: || (&& (== net461) (< net46)) (== netcoreapp2.2)
    System.Reflection (4.3) - restriction: || (&& (== net461) (>= netcoreapp1.0)) (== netcoreapp2.2)
      Microsoft.NETCore.Platforms (>= 1.1) - restriction: || (&& (== net461) (< net45)) (== netcoreapp2.2)
      Microsoft.NETCore.Targets (>= 1.1) - restriction: || (&& (== net461) (< net45)) (== netcoreapp2.2)
      System.IO (>= 4.3) - restriction: || (&& (== net461) (< net45)) (== netcoreapp2.2)
      System.Reflection.Primitives (>= 4.3) - restriction: || (&& (== net461) (< net45)) (== netcoreapp2.2)
      System.Runtime (>= 4.3) - restriction: || (&& (== net461) (< net45)) (== netcoreapp2.2)
    System.Reflection.Emit (4.3) - restriction: == netcoreapp2.2
      System.IO (>= 4.3) - restriction: || (&& (== net461) (< net45)) (== netcoreapp2.2)
      System.Reflection (>= 4.3) - restriction: || (&& (== net461) (< net45)) (== netcoreapp2.2)
      System.Reflection.Emit.ILGeneration (>= 4.3) - restriction: || (&& (== net461) (< net45)) (== netcoreapp2.2)
      System.Reflection.Primitives (>= 4.3) - restriction: || (&& (== net461) (< net45)) (== netcoreapp2.2)
      System.Runtime (>= 4.3) - restriction: || (&& (== net461) (< net45)) (== netcoreapp2.2)
    System.Reflection.Emit.ILGeneration (4.3) - restriction: == netcoreapp2.2
      System.Reflection (>= 4.3) - restriction: || (&& (== net461) (< net45)) (== netcoreapp2.2)
      System.Reflection.Primitives (>= 4.3) - restriction: || (&& (== net461) (< net45)) (== netcoreapp2.2)
      System.Runtime (>= 4.3) - restriction: || (&& (== net461) (< net45)) (== netcoreapp2.2)
    System.Reflection.Emit.Lightweight (4.3) - restriction: || (&& (== net461) (< net45) (>= netstandard2.0)) (== netcoreapp2.2)
      System.Reflection (>= 4.3) - restriction: || (&& (== net461) (< net45)) (== netcoreapp2.2)
      System.Reflection.Emit.ILGeneration (>= 4.3) - restriction: || (&& (== net461) (< net45)) (== netcoreapp2.2)
      System.Reflection.Primitives (>= 4.3) - restriction: || (&& (== net461) (< net45)) (== netcoreapp2.2)
      System.Runtime (>= 4.3) - restriction: || (&& (== net461) (< net45)) (== netcoreapp2.2)
    System.Reflection.Extensions (4.3) - restriction: || (&& (== net461) (>= netcoreapp1.0)) (== netcoreapp2.2)
      Microsoft.NETCore.Platforms (>= 1.1) - restriction: || (&& (== net461) (< net45)) (== netcoreapp2.2)
      Microsoft.NETCore.Targets (>= 1.1) - restriction: || (&& (== net461) (< net45)) (== netcoreapp2.2)
      System.Reflection (>= 4.3) - restriction: || (&& (== net461) (< net45)) (== netcoreapp2.2)
      System.Runtime (>= 4.3) - restriction: || (&& (== net461) (< net45)) (== netcoreapp2.2)
    System.Reflection.Metadata (1.6)
      System.Collections.Immutable (>= 1.5) - restriction: || (== net461) (&& (== netcoreapp2.2) (>= net45)) (&& (== netcoreapp2.2) (< netcoreapp2.1)) (&& (== netcoreapp2.2) (< netstandard1.1)) (&& (== netcoreapp2.2) (< netstandard2.0))
    System.Reflection.Primitives (4.3) - restriction: == netcoreapp2.2
      Microsoft.NETCore.Platforms (>= 1.1) - restriction: || (&& (== net461) (< net45)) (== netcoreapp2.2)
      Microsoft.NETCore.Targets (>= 1.1) - restriction: || (&& (== net461) (< net45)) (== netcoreapp2.2)
      System.Runtime (>= 4.3) - restriction: || (&& (== net461) (< net45)) (== netcoreapp2.2)
    System.Reflection.TypeExtensions (4.5.1) - restriction: == netcoreapp2.2
    System.Resources.ResourceManager (4.3) - restriction: == netcoreapp2.2
      Microsoft.NETCore.Platforms (>= 1.1) - restriction: || (&& (== net461) (< net45)) (== netcoreapp2.2)
      Microsoft.NETCore.Targets (>= 1.1) - restriction: || (&& (== net461) (< net45)) (== netcoreapp2.2)
      System.Globalization (>= 4.3) - restriction: || (&& (== net461) (< net45)) (== netcoreapp2.2)
      System.Reflection (>= 4.3) - restriction: || (&& (== net461) (< net45)) (== netcoreapp2.2)
      System.Runtime (>= 4.3) - restriction: || (&& (== net461) (< net45)) (== netcoreapp2.2)
    System.Runtime (4.3.1) - restriction: == netcoreapp2.2
      Microsoft.NETCore.Platforms (>= 1.1.1) - restriction: || (&& (== net461) (< net45)) (== netcoreapp2.2)
      Microsoft.NETCore.Targets (>= 1.1.3) - restriction: || (&& (== net461) (< net45)) (== netcoreapp2.2)
    System.Runtime.Extensions (4.3.1) - restriction: == netcoreapp2.2
      Microsoft.NETCore.Platforms (>= 1.1.1) - restriction: || (&& (== net461) (< net45)) (== netcoreapp2.2)
      Microsoft.NETCore.Targets (>= 1.1.3) - restriction: || (&& (== net461) (< net45)) (== netcoreapp2.2)
      System.Runtime (>= 4.3.1) - restriction: || (&& (== net461) (< net45)) (== netcoreapp2.2)
    System.Runtime.Handles (4.3) - restriction: == netcoreapp2.2
      Microsoft.NETCore.Platforms (>= 1.1) - restriction: || (&& (== net461) (< net46)) (== netcoreapp2.2)
      Microsoft.NETCore.Targets (>= 1.1) - restriction: || (&& (== net461) (< net46)) (== netcoreapp2.2)
      System.Runtime (>= 4.3) - restriction: || (&& (== net461) (< net46)) (== netcoreapp2.2)
    System.Runtime.InteropServices (4.3) - restriction: == netcoreapp2.2
      Microsoft.NETCore.Platforms (>= 1.1) - restriction: || (&& (== net461) (< net45)) (&& (== net461) (>= netcoreapp1.1)) (== netcoreapp2.2)
      Microsoft.NETCore.Targets (>= 1.1) - restriction: || (&& (== net461) (< net45)) (&& (== net461) (>= netcoreapp1.1)) (== netcoreapp2.2)
      System.Reflection (>= 4.3) - restriction: || (&& (== net461) (< net45)) (&& (== net461) (>= netcoreapp1.1)) (== netcoreapp2.2)
      System.Reflection.Primitives (>= 4.3) - restriction: || (&& (== net461) (< net45)) (&& (== net461) (>= netcoreapp1.1)) (== netcoreapp2.2)
      System.Runtime (>= 4.3) - restriction: || (&& (== net461) (< net45)) (&& (== net461) (>= net462)) (&& (== net461) (>= netcoreapp1.1)) (== netcoreapp2.2)
      System.Runtime.Handles (>= 4.3) - restriction: || (&& (== net461) (< net45)) (&& (== net461) (>= netcoreapp1.1)) (== netcoreapp2.2)
    System.Runtime.InteropServices.RuntimeInformation (4.3) - restriction: || (&& (== net461) (>= netcoreapp1.0)) (== netcoreapp2.2)
      runtime.native.System (>= 4.3) - restriction: || (&& (== net461) (< net45)) (== netcoreapp2.2)
      System.Reflection (>= 4.3) - restriction: || (&& (== net461) (< net45)) (== netcoreapp2.2)
      System.Reflection.Extensions (>= 4.3) - restriction: || (&& (== net461) (< net45)) (== netcoreapp2.2)
      System.Resources.ResourceManager (>= 4.3) - restriction: || (&& (== net461) (< net45)) (== netcoreapp2.2)
      System.Runtime (>= 4.3) - restriction: || (&& (== net461) (< net45)) (== netcoreapp2.2)
      System.Runtime.InteropServices (>= 4.3) - restriction: || (&& (== net461) (< net45)) (== netcoreapp2.2)
      System.Threading (>= 4.3) - restriction: || (&& (== net461) (< net45)) (== netcoreapp2.2)
    System.Runtime.Loader (4.3) - restriction: == netcoreapp2.2
      System.IO (>= 4.3) - restriction: || (&& (== net461) (>= netstandard1.5)) (== netcoreapp2.2)
      System.Reflection (>= 4.3) - restriction: || (&& (== net461) (>= netstandard1.5)) (== netcoreapp2.2)
      System.Runtime (>= 4.3) - restriction: || (&& (== net461) (>= netstandard1.5)) (== netcoreapp2.2)
    System.Runtime.Numerics (4.3) - restriction: == netcoreapp2.2
      System.Globalization (>= 4.3) - restriction: || (&& (== net461) (< net45)) (== netcoreapp2.2)
      System.Resources.ResourceManager (>= 4.3) - restriction: || (&& (== net461) (< net45)) (== netcoreapp2.2)
      System.Runtime (>= 4.3) - restriction: || (&& (== net461) (< net45)) (== netcoreapp2.2)
      System.Runtime.Extensions (>= 4.3) - restriction: || (&& (== net461) (< net45)) (== netcoreapp2.2)
    System.Runtime.Serialization.Json (4.3) - restriction: || (&& (== net461) (>= netcoreapp1.0)) (== netcoreapp2.2)
      System.IO (>= 4.3) - restriction: || (&& (== net461) (< net45)) (== netcoreapp2.2)
      System.Private.DataContractSerialization (>= 4.3) - restriction: || (&& (== net461) (< net45)) (== netcoreapp2.2)
      System.Runtime (>= 4.3) - restriction: || (&& (== net461) (< net45)) (== netcoreapp2.2)
    System.Runtime.Serialization.Primitives (4.3) - restriction: || (&& (== net461) (>= netcoreapp1.0)) (== netcoreapp2.2)
      System.Resources.ResourceManager (>= 4.3) - restriction: || (&& (== net461) (< net45)) (== netcoreapp2.2)
      System.Runtime (>= 4.3) - restriction: || (&& (== net461) (< net45)) (== netcoreapp2.2)
    System.Security.AccessControl (4.5) - restriction: || (&& (== net461) (>= netcoreapp1.0)) (&& (== net461) (>= netcoreapp2.0)) (== netcoreapp2.2)
      Microsoft.NETCore.Platforms (>= 2.0) - restriction: || (&& (== net461) (>= netcoreapp2.0)) (== netcoreapp2.2)
      System.Security.Principal.Windows (>= 4.5)
    System.Security.Cryptography.Algorithms (4.3.1) - restriction: == netcoreapp2.2
      Microsoft.NETCore.Platforms (>= 1.1) - restriction: || (&& (== net461) (< net46) (>= netstandard1.6)) (&& (== net461) (< netstandard1.3)) (== netcoreapp2.2)
      runtime.native.System.Security.Cryptography.Apple (>= 4.3.1) - restriction: || (&& (== net461) (< net46) (>= netstandard1.6)) (== netcoreapp2.2)
      runtime.native.System.Security.Cryptography.OpenSsl (>= 4.3.2) - restriction: || (&& (== net461) (< net46) (>= netstandard1.6)) (== netcoreapp2.2)
      System.Collections (>= 4.3) - restriction: || (&& (== net461) (< net46) (>= netstandard1.6)) (== netcoreapp2.2)
      System.IO (>= 4.3) - restriction: || (&& (== net461) (< net46)) (&& (== net461) (>= net463)) (&& (== net461) (< netstandard1.3)) (== netcoreapp2.2)
      System.Resources.ResourceManager (>= 4.3) - restriction: || (&& (== net461) (< net46) (>= netstandard1.6)) (&& (== net461) (< netstandard1.3)) (== netcoreapp2.2)
      System.Runtime (>= 4.3) - restriction: || (&& (== net461) (< net46)) (&& (== net461) (>= net463)) (&& (== net461) (< netstandard1.3)) (== netcoreapp2.2)
      System.Runtime.Extensions (>= 4.3) - restriction: || (&& (== net461) (< net46) (>= netstandard1.6)) (&& (== net461) (< netstandard1.3)) (== netcoreapp2.2)
      System.Runtime.Handles (>= 4.3) - restriction: || (&& (== net461) (< net46) (>= netstandard1.6)) (&& (== net461) (< netstandard1.3)) (== netcoreapp2.2)
      System.Runtime.InteropServices (>= 4.3) - restriction: || (&& (== net461) (< net46) (>= netstandard1.6)) (&& (== net461) (< netstandard1.3)) (== netcoreapp2.2)
      System.Runtime.Numerics (>= 4.3) - restriction: || (&& (== net461) (< net46) (>= netstandard1.6)) (== netcoreapp2.2)
      System.Security.Cryptography.Encoding (>= 4.3) - restriction: || (&& (== net461) (< net46) (>= netstandard1.6)) (&& (== net461) (>= net463)) (&& (== net461) (< netstandard1.3)) (== netcoreapp2.2)
      System.Security.Cryptography.Primitives (>= 4.3)
      System.Text.Encoding (>= 4.3) - restriction: || (&& (== net461) (< net46) (>= netstandard1.6)) (&& (== net461) (< netstandard1.3)) (== netcoreapp2.2)
    System.Security.Cryptography.Encoding (4.3) - restriction: == netcoreapp2.2
      Microsoft.NETCore.Platforms (>= 1.1) - restriction: || (&& (== net461) (< net46)) (== netcoreapp2.2)
      runtime.native.System.Security.Cryptography.OpenSsl (>= 4.3) - restriction: || (&& (== net461) (< net46)) (== netcoreapp2.2)
      System.Collections (>= 4.3) - restriction: || (&& (== net461) (< net46)) (== netcoreapp2.2)
      System.Collections.Concurrent (>= 4.3) - restriction: || (&& (== net461) (< net46)) (== netcoreapp2.2)
      System.Linq (>= 4.3) - restriction: || (&& (== net461) (< net46)) (== netcoreapp2.2)
      System.Resources.ResourceManager (>= 4.3) - restriction: || (&& (== net461) (< net46)) (== netcoreapp2.2)
      System.Runtime (>= 4.3) - restriction: || (&& (== net461) (< net46)) (== netcoreapp2.2)
      System.Runtime.Extensions (>= 4.3) - restriction: || (&& (== net461) (< net46)) (== netcoreapp2.2)
      System.Runtime.Handles (>= 4.3) - restriction: || (&& (== net461) (< net46)) (== netcoreapp2.2)
      System.Runtime.InteropServices (>= 4.3) - restriction: || (&& (== net461) (< net46)) (== netcoreapp2.2)
      System.Security.Cryptography.Primitives (>= 4.3) - restriction: || (&& (== net461) (< net46)) (== netcoreapp2.2)
      System.Text.Encoding (>= 4.3) - restriction: || (&& (== net461) (< net46)) (== netcoreapp2.2)
    System.Security.Cryptography.Primitives (4.3) - restriction: == netcoreapp2.2
      System.Diagnostics.Debug (>= 4.3) - restriction: || (&& (== net461) (< net46)) (== netcoreapp2.2)
      System.Globalization (>= 4.3) - restriction: || (&& (== net461) (< net46)) (== netcoreapp2.2)
      System.IO (>= 4.3) - restriction: || (&& (== net461) (< net46)) (== netcoreapp2.2)
      System.Resources.ResourceManager (>= 4.3) - restriction: || (&& (== net461) (< net46)) (== netcoreapp2.2)
      System.Runtime (>= 4.3) - restriction: || (&& (== net461) (< net46)) (== netcoreapp2.2)
      System.Threading (>= 4.3) - restriction: || (&& (== net461) (< net46)) (== netcoreapp2.2)
      System.Threading.Tasks (>= 4.3) - restriction: || (&& (== net461) (< net46)) (== netcoreapp2.2)
    System.Security.Principal.Windows (4.5.1) - restriction: || (&& (== net461) (>= netcoreapp1.0)) (&& (== net461) (>= netcoreapp2.0)) (== netcoreapp2.2)
      Microsoft.NETCore.Platforms (>= 2.0) - restriction: || (&& (== net461) (>= netcoreapp2.0)) (== netcoreapp2.2)
    System.Text.Encoding (4.3) - restriction: == netcoreapp2.2
      Microsoft.NETCore.Platforms (>= 1.1) - restriction: || (&& (== net461) (< net45)) (== netcoreapp2.2)
      Microsoft.NETCore.Targets (>= 1.1) - restriction: || (&& (== net461) (< net45)) (== netcoreapp2.2)
      System.Runtime (>= 4.3) - restriction: || (&& (== net461) (< net45)) (== netcoreapp2.2)
    System.Text.Encoding.Extensions (4.3) - restriction: || (&& (== net461) (>= netcoreapp1.0)) (== netcoreapp2.2)
      Microsoft.NETCore.Platforms (>= 1.1) - restriction: || (&& (== net461) (< net45)) (== netcoreapp2.2)
      Microsoft.NETCore.Targets (>= 1.1) - restriction: || (&& (== net461) (< net45)) (== netcoreapp2.2)
      System.Runtime (>= 4.3) - restriction: || (&& (== net461) (< net45)) (== netcoreapp2.2)
      System.Text.Encoding (>= 4.3) - restriction: || (&& (== net461) (< net45)) (== netcoreapp2.2)
    System.Text.RegularExpressions (4.3.1) - restriction: || (&& (== net461) (>= netcoreapp1.0)) (== netcoreapp2.2)
      System.Runtime (>= 4.3.1) - restriction: || (&& (== net461) (< net45)) (&& (== net461) (>= netcoreapp1.1)) (== netcoreapp2.2)
    System.Threading (4.3) - restriction: || (&& (== net461) (>= netcoreapp1.0)) (== netcoreapp2.2)
      System.Runtime (>= 4.3) - restriction: || (&& (== net461) (< net45)) (== netcoreapp2.2)
      System.Threading.Tasks (>= 4.3) - restriction: || (&& (== net461) (< net45)) (== netcoreapp2.2)
    System.Threading.Tasks (4.3) - restriction: || (&& (== net461) (>= netcoreapp1.0)) (== netcoreapp2.2)
      Microsoft.NETCore.Platforms (>= 1.1) - restriction: || (&& (== net461) (< net45)) (== netcoreapp2.2)
      Microsoft.NETCore.Targets (>= 1.1) - restriction: || (&& (== net461) (< net45)) (== netcoreapp2.2)
      System.Runtime (>= 4.3) - restriction: || (&& (== net461) (< net45)) (== netcoreapp2.2)
    System.Threading.Tasks.Extensions (4.5.2) - restriction: || (&& (== net461) (>= netcoreapp1.0)) (== netcoreapp2.2)
    System.Threading.Thread (4.3) - restriction: || (&& (== net461) (>= netcoreapp1.0)) (== netcoreapp2.2)
      System.Runtime (>= 4.3) - restriction: || (&& (== net461) (< net46)) (== netcoreapp2.2)
    System.Threading.ThreadPool (4.3) - restriction: || (&& (== net461) (>= netcoreapp1.0)) (== netcoreapp2.2)
      System.Runtime (>= 4.3) - restriction: || (&& (== net461) (< net46)) (== netcoreapp2.2)
      System.Runtime.Handles (>= 4.3) - restriction: || (&& (== net461) (< net46)) (== netcoreapp2.2)
    System.ValueTuple (4.5) - restriction: || (== net461) (&& (== netcoreapp2.2) (>= net461))
    System.Xml.ReaderWriter (4.3.1) - restriction: || (&& (== net461) (>= netcoreapp1.0)) (== netcoreapp2.2)
      System.Collections (>= 4.3) - restriction: || (&& (== net461) (< net45)) (== netcoreapp2.2)
      System.Diagnostics.Debug (>= 4.3) - restriction: || (&& (== net461) (< net45)) (== netcoreapp2.2)
      System.Globalization (>= 4.3) - restriction: || (&& (== net461) (< net45)) (== netcoreapp2.2)
      System.IO (>= 4.3) - restriction: || (&& (== net461) (< net45)) (== netcoreapp2.2)
      System.IO.FileSystem (>= 4.3) - restriction: || (&& (== net461) (< net45)) (== netcoreapp2.2)
      System.IO.FileSystem.Primitives (>= 4.3) - restriction: || (&& (== net461) (< net45)) (== netcoreapp2.2)
      System.Resources.ResourceManager (>= 4.3) - restriction: || (&& (== net461) (< net45)) (== netcoreapp2.2)
      System.Runtime (>= 4.3) - restriction: || (&& (== net461) (< net45)) (== netcoreapp2.2)
      System.Runtime.Extensions (>= 4.3) - restriction: || (&& (== net461) (< net45)) (== netcoreapp2.2)
      System.Runtime.InteropServices (>= 4.3) - restriction: || (&& (== net461) (< net45)) (== netcoreapp2.2)
      System.Text.Encoding (>= 4.3) - restriction: || (&& (== net461) (< net45)) (== netcoreapp2.2)
      System.Text.Encoding.Extensions (>= 4.3) - restriction: || (&& (== net461) (< net45)) (== netcoreapp2.2)
      System.Text.RegularExpressions (>= 4.3) - restriction: || (&& (== net461) (< net45)) (== netcoreapp2.2)
      System.Threading.Tasks (>= 4.3) - restriction: || (&& (== net461) (< net45)) (== netcoreapp2.2)
      System.Threading.Tasks.Extensions (>= 4.3) - restriction: || (&& (== net461) (< net45)) (== netcoreapp2.2)
    System.Xml.XDocument (4.3) - restriction: || (&& (== net461) (>= netcoreapp1.0)) (== netcoreapp2.2)
      System.Collections (>= 4.3) - restriction: || (&& (== net461) (< net45)) (== netcoreapp2.2)
      System.Diagnostics.Debug (>= 4.3) - restriction: || (&& (== net461) (< net45)) (== netcoreapp2.2)
      System.Diagnostics.Tools (>= 4.3) - restriction: || (&& (== net461) (< net45)) (== netcoreapp2.2)
      System.Globalization (>= 4.3) - restriction: || (&& (== net461) (< net45)) (== netcoreapp2.2)
      System.IO (>= 4.3) - restriction: || (&& (== net461) (< net45)) (== netcoreapp2.2)
      System.Reflection (>= 4.3) - restriction: || (&& (== net461) (< net45)) (== netcoreapp2.2)
      System.Resources.ResourceManager (>= 4.3) - restriction: || (&& (== net461) (< net45)) (== netcoreapp2.2)
      System.Runtime (>= 4.3) - restriction: || (&& (== net461) (< net45)) (== netcoreapp2.2)
      System.Runtime.Extensions (>= 4.3) - restriction: || (&& (== net461) (< net45)) (== netcoreapp2.2)
      System.Text.Encoding (>= 4.3) - restriction: || (&& (== net461) (< net45)) (== netcoreapp2.2)
      System.Threading (>= 4.3) - restriction: || (&& (== net461) (< net45)) (== netcoreapp2.2)
      System.Xml.ReaderWriter (>= 4.3) - restriction: || (&& (== net461) (< net45)) (== netcoreapp2.2)
    System.Xml.XmlDocument (4.3) - restriction: || (&& (== net461) (>= netcoreapp1.0)) (== netcoreapp2.2)
      System.Collections (>= 4.3) - restriction: || (&& (== net461) (< net46)) (== netcoreapp2.2)
      System.Diagnostics.Debug (>= 4.3) - restriction: || (&& (== net461) (< net46)) (== netcoreapp2.2)
      System.Globalization (>= 4.3) - restriction: || (&& (== net461) (< net46)) (== netcoreapp2.2)
      System.IO (>= 4.3) - restriction: || (&& (== net461) (< net46)) (== netcoreapp2.2)
      System.Resources.ResourceManager (>= 4.3) - restriction: || (&& (== net461) (< net46)) (== netcoreapp2.2)
      System.Runtime (>= 4.3) - restriction: || (&& (== net461) (< net46)) (== netcoreapp2.2)
      System.Runtime.Extensions (>= 4.3) - restriction: || (&& (== net461) (< net46)) (== netcoreapp2.2)
      System.Text.Encoding (>= 4.3) - restriction: || (&& (== net461) (< net46)) (== netcoreapp2.2)
      System.Threading (>= 4.3) - restriction: || (&& (== net461) (< net46)) (== netcoreapp2.2)
      System.Xml.ReaderWriter (>= 4.3) - restriction: || (&& (== net461) (< net46)) (== netcoreapp2.2)
    System.Xml.XmlSerializer (4.3) - restriction: || (&& (== net461) (>= netcoreapp1.0)) (== netcoreapp2.2)
      System.Collections (>= 4.3) - restriction: || (&& (== net461) (< net45)) (== netcoreapp2.2)
      System.Globalization (>= 4.3) - restriction: || (&& (== net461) (< net45)) (== netcoreapp2.2)
      System.IO (>= 4.3) - restriction: || (&& (== net461) (< net45)) (== netcoreapp2.2)
      System.Linq (>= 4.3) - restriction: || (&& (== net461) (< net45)) (== netcoreapp2.2)
      System.Reflection (>= 4.3) - restriction: || (&& (== net461) (< net45)) (== netcoreapp2.2)
      System.Reflection.Emit (>= 4.3) - restriction: || (&& (== net461) (< net45)) (== netcoreapp2.2)
      System.Reflection.Emit.ILGeneration (>= 4.3) - restriction: || (&& (== net461) (< net45)) (== netcoreapp2.2)
      System.Reflection.Extensions (>= 4.3) - restriction: || (&& (== net461) (< net45)) (== netcoreapp2.2)
      System.Reflection.Primitives (>= 4.3) - restriction: || (&& (== net461) (< net45)) (== netcoreapp2.2)
      System.Reflection.TypeExtensions (>= 4.3) - restriction: || (&& (== net461) (< net45)) (== netcoreapp2.2)
      System.Resources.ResourceManager (>= 4.3) - restriction: || (&& (== net461) (< net45)) (== netcoreapp2.2)
      System.Runtime (>= 4.3) - restriction: || (&& (== net461) (< net45)) (== netcoreapp2.2)
      System.Runtime.Extensions (>= 4.3) - restriction: || (&& (== net461) (< net45)) (== netcoreapp2.2)
      System.Text.RegularExpressions (>= 4.3) - restriction: || (&& (== net461) (< net45)) (== netcoreapp2.2)
      System.Threading (>= 4.3) - restriction: || (&& (== net461) (< net45)) (== netcoreapp2.2)
      System.Xml.ReaderWriter (>= 4.3) - restriction: || (&& (== net461) (< net45)) (== netcoreapp2.2)
      System.Xml.XmlDocument (>= 4.3) - restriction: || (&& (== net461) (< net45)) (== netcoreapp2.2)
    System.Xml.XPath (4.3) - restriction: || (&& (== net461) (>= netcoreapp1.0)) (== netcoreapp2.2)
      System.Collections (>= 4.3) - restriction: || (&& (== net461) (< net46)) (== netcoreapp2.2)
      System.Diagnostics.Debug (>= 4.3) - restriction: || (&& (== net461) (< net46)) (== netcoreapp2.2)
      System.Globalization (>= 4.3) - restriction: || (&& (== net461) (< net46)) (== netcoreapp2.2)
      System.IO (>= 4.3) - restriction: || (&& (== net461) (< net46)) (== netcoreapp2.2)
      System.Resources.ResourceManager (>= 4.3) - restriction: || (&& (== net461) (< net46)) (== netcoreapp2.2)
      System.Runtime (>= 4.3) - restriction: || (&& (== net461) (< net46)) (== netcoreapp2.2)
      System.Runtime.Extensions (>= 4.3) - restriction: || (&& (== net461) (< net46)) (== netcoreapp2.2)
      System.Threading (>= 4.3) - restriction: || (&& (== net461) (< net46)) (== netcoreapp2.2)
      System.Xml.ReaderWriter (>= 4.3) - restriction: || (&& (== net461) (< net46)) (== netcoreapp2.2)
    System.Xml.XPath.XmlDocument (4.3) - restriction: || (&& (== net461) (>= netcoreapp1.0)) (== netcoreapp2.2)
      System.Collections (>= 4.3) - restriction: || (&& (== net461) (< net46)) (== netcoreapp2.2)
      System.Globalization (>= 4.3) - restriction: || (&& (== net461) (< net46)) (== netcoreapp2.2)
      System.IO (>= 4.3) - restriction: || (&& (== net461) (< net46)) (== netcoreapp2.2)
      System.Resources.ResourceManager (>= 4.3) - restriction: || (&& (== net461) (< net46)) (== netcoreapp2.2)
      System.Runtime (>= 4.3) - restriction: || (&& (== net461) (< net46)) (== netcoreapp2.2)
      System.Runtime.Extensions (>= 4.3) - restriction: || (&& (== net461) (< net46)) (== netcoreapp2.2)
      System.Threading (>= 4.3) - restriction: || (&& (== net461) (< net46)) (== netcoreapp2.2)
      System.Xml.ReaderWriter (>= 4.3) - restriction: || (&& (== net461) (< net46)) (== netcoreapp2.2)
      System.Xml.XmlDocument (>= 4.3)
      System.Xml.XPath (>= 4.3)
    Thespian (0.2)
      FSharp.Core (>= 4.3.2)
      FsPickler (>= 5.2)
